STRATEGY: MAX
FRAMEWORK: >= NETSTANDARD10
NUGET
  remote: https://api.nuget.org/v3/index.json
    Autofac (4.5)
      NETStandard.Library (>= 1.6) - framework: >= netstandard11
      System.ComponentModel (>= 4.0.1) - framework: >= netstandard11
    Autofac.Extensions.DependencyInjection (4.1)
      Autofac (>= 4.0) - framework: >= net45, >= netstandard11
      Microsoft.Extensions.DependencyInjection.Abstractions (>= 1.1) - framework: >= net45, >= netstandard11
      NETStandard.Library (>= 1.6) - framework: >= net45, >= netstandard11
    FluentValidation (6.4.1)
      System.Collections (>= 4.0.11)
      System.Diagnostics.Debug (>= 4.0.11)
      System.Diagnostics.Tools (>= 4.0.1)
      System.Globalization (>= 4.0.11)
      System.Linq (>= 4.1)
      System.Linq.Expressions (>= 4.1)
      System.Reflection (>= 4.1)
      System.Reflection.Extensions (>= 4.0.1)
      System.Resources.ResourceManager (>= 4.0.1)
      System.Runtime (>= 4.1)
      System.Runtime.Extensions (>= 4.1)
      System.Text.RegularExpressions (>= 4.0.12)
      System.Threading (>= 4.0.11)
      System.Threading.Tasks (>= 4.0.11)
    Libuv (1.9.1) - framework: >= netstandard13
      Microsoft.NETCore.Platforms (>= 1.0.1)
    Microsoft.AspNetCore (1.1.1)
      Microsoft.AspNetCore.Diagnostics (>= 1.1.1) - framework: >= net451, >= netstandard13
      Microsoft.AspNetCore.Hosting (>= 1.1.1) - framework: >= net451, >= netstandard13
      Microsoft.AspNetCore.Routing (>= 1.1.1) - framework: >= net451, >= netstandard13
      Microsoft.AspNetCore.Server.IISIntegration (>= 1.1.1) - framework: >= net451, >= netstandard13
      Microsoft.AspNetCore.Server.Kestrel (>= 1.1.1) - framework: >= net451, >= netstandard13
      Microsoft.Extensions.Configuration.EnvironmentVariables (>= 1.1.1) - framework: >= net451, >= netstandard13
      Microsoft.Extensions.Configuration.FileExtensions (>= 1.1.1) - framework: >= net451, >= netstandard13
      Microsoft.Extensions.Configuration.Json (>= 1.1.1) - framework: >= net451, >= netstandard13
      Microsoft.Extensions.Logging (>= 1.1.1) - framework: >= net451, >= netstandard13
      Microsoft.Extensions.Logging.Console (>= 1.1.1) - framework: >= net451, >= netstandard13
      Microsoft.Extensions.Options.ConfigurationExtensions (>= 1.1.1) - framework: >= net451, >= netstandard13
      NETStandard.Library (>= 1.6.1) - framework: >= net451, >= netstandard13
    Microsoft.AspNetCore.Antiforgery (1.1.1) - framework: >= netstandard16
      Microsoft.AspNetCore.DataProtection (>= 1.1.1) - framework: >= net451, >= netstandard13
      Microsoft.AspNetCore.Http.Abstractions (>= 1.1.1) - framework: >= net451, >= netstandard13
      Microsoft.AspNetCore.Http.Extensions (>= 1.1.1) - framework: >= net451, >= netstandard13
      Microsoft.AspNetCore.WebUtilities (>= 1.1.1) - framework: >= net451, >= netstandard13
      Microsoft.Extensions.ObjectPool (>= 1.1) - framework: >= net451, >= netstandard13
      NETStandard.Library (>= 1.6.1) - framework: >= net451, >= netstandard13
    Microsoft.AspNetCore.Authorization (1.1.1) - framework: >= netstandard16
      Microsoft.Extensions.Logging.Abstractions (>= 1.1.1) - framework: >= net451, >= netstandard13
      Microsoft.Extensions.Options (>= 1.1.1) - framework: >= net451, >= netstandard13
      NETStandard.Library (>= 1.6.1) - framework: >= net451, >= netstandard13
      System.Security.Claims (>= 4.3) - framework: >= netstandard13
    Microsoft.AspNetCore.Cors (1.1.1) - framework: >= netstandard16
      Microsoft.AspNetCore.Http.Extensions (>= 1.1.1) - framework: >= net451, >= netstandard13
      Microsoft.Extensions.Configuration.Abstractions (>= 1.1.1) - framework: >= net451, >= netstandard13
      Microsoft.Extensions.DependencyInjection.Abstractions (>= 1.1) - framework: >= net451, >= netstandard13
      Microsoft.Extensions.Options (>= 1.1.1) - framework: >= net451, >= netstandard13
      NETStandard.Library (>= 1.6.1) - framework: >= net451, >= netstandard13
    Microsoft.AspNetCore.Cryptography.Internal (1.1.1)
      NETStandard.Library (>= 1.6.1) - framework: >= net451, >= netstandard13
    Microsoft.AspNetCore.DataProtection (1.1.1)
      Microsoft.AspNetCore.Cryptography.Internal (>= 1.1.1) - framework: >= net451, >= netstandard13
      Microsoft.AspNetCore.DataProtection.Abstractions (>= 1.1.1) - framework: >= net451, >= netstandard13
      Microsoft.AspNetCore.Hosting.Abstractions (>= 1.1.1) - framework: >= net451, >= netstandard13
      Microsoft.Extensions.DependencyInjection.Abstractions (>= 1.1) - framework: >= net451, >= netstandard13
      Microsoft.Extensions.Logging.Abstractions (>= 1.1.1) - framework: >= net451, >= netstandard13
      Microsoft.Extensions.Options (>= 1.1.1) - framework: >= net451, >= netstandard13
      Microsoft.Win32.Registry (>= 4.3) - framework: >= netstandard13
      NETStandard.Library (>= 1.6.1) - framework: >= net451, >= netstandard13
      System.Security.Claims (>= 4.3) - framework: >= netstandard13
      System.Security.Principal.Windows (>= 4.3) - framework: >= netstandard13
    Microsoft.AspNetCore.DataProtection.Abstractions (1.1.1)
      NETStandard.Library (>= 1.6.1) - framework: >= net451, >= netstandard13
      System.ComponentModel (>= 4.3) - framework: >= netstandard13
    Microsoft.AspNetCore.Diagnostics (1.1.1) - framework: >= netstandard13
      Microsoft.AspNetCore.Diagnostics.Abstractions (>= 1.1.1) - framework: >= net451, >= netstandard13
      Microsoft.AspNetCore.Hosting.Abstractions (>= 1.1.1) - framework: >= net451, >= netstandard13
      Microsoft.AspNetCore.Http.Extensions (>= 1.1.1) - framework: >= net451, >= netstandard13
      Microsoft.AspNetCore.WebUtilities (>= 1.1.1) - framework: >= net451, >= netstandard13
      Microsoft.Extensions.FileProviders.Physical (>= 1.1) - framework: >= net451, >= netstandard13
      Microsoft.Extensions.Logging.Abstractions (>= 1.1.1) - framework: >= net451, >= netstandard13
      Microsoft.Extensions.Options (>= 1.1.1) - framework: >= net451, >= netstandard13
      NETStandard.Library (>= 1.6.1) - framework: >= net451, >= netstandard13
      System.Diagnostics.DiagnosticSource (>= 4.3) - framework: >= net451, >= netstandard13
      System.Diagnostics.StackTrace (>= 4.3) - framework: >= netstandard13
      System.Reflection.Metadata (>= 1.4.1) - framework: >= net451, >= netstandard13
    Microsoft.AspNetCore.Diagnostics.Abstractions (1.1.1)
      NETStandard.Library (>= 1.6.1)
    Microsoft.AspNetCore.Hosting (1.1.1) - framework: >= netstandard13
      Microsoft.AspNetCore.Hosting.Abstractions (>= 1.1.1) - framework: >= net451, netstandard13, >= netstandard15
      Microsoft.AspNetCore.Hosting.Server.Abstractions (>= 1.1.1) - framework: >= net451, netstandard13, >= netstandard15
      Microsoft.AspNetCore.Http (>= 1.1.1) - framework: >= net451, netstandard13, >= netstandard15
      Microsoft.AspNetCore.Http.Extensions (>= 1.1.1) - framework: >= net451, netstandard13, >= netstandard15
      Microsoft.Extensions.Configuration (>= 1.1.1) - framework: >= net451, netstandard13, >= netstandard15
      Microsoft.Extensions.Configuration.EnvironmentVariables (>= 1.1.1) - framework: >= net451, netstandard13, >= netstandard15
      Microsoft.Extensions.DependencyInjection (>= 1.1) - framework: >= net451, netstandard13, >= netstandard15
      Microsoft.Extensions.FileProviders.Physical (>= 1.1) - framework: >= net451, netstandard13, >= netstandard15
      Microsoft.Extensions.Logging (>= 1.1.1) - framework: >= net451, netstandard13, >= netstandard15
      Microsoft.Extensions.Options (>= 1.1.1) - framework: >= net451, netstandard13, >= netstandard15
      Microsoft.Extensions.PlatformAbstractions (>= 1.1) - framework: >= net451, netstandard13, >= netstandard15
      NETStandard.Library (>= 1.6.1) - framework: >= net451, netstandard13, >= netstandard15
      System.Diagnostics.DiagnosticSource (>= 4.3) - framework: >= net451, netstandard13, >= netstandard15
      System.Diagnostics.StackTrace (>= 4.3) - framework: netstandard13, >= netstandard15
      System.Reflection.Metadata (>= 1.4.1) - framework: >= net451, netstandard13, >= netstandard15
      System.Runtime.Loader (>= 4.3) - framework: >= netstandard15
    Microsoft.AspNetCore.Hosting.Abstractions (1.1.1)
      Microsoft.AspNetCore.Hosting.Server.Abstractions (>= 1.1.1) - framework: >= net451, >= netstandard13
      Microsoft.AspNetCore.Http.Abstractions (>= 1.1.1) - framework: >= net451, >= netstandard13
      Microsoft.Extensions.Configuration.Abstractions (>= 1.1.1) - framework: >= net451, >= netstandard13
      Microsoft.Extensions.DependencyInjection.Abstractions (>= 1.1) - framework: >= net451, >= netstandard13
      Microsoft.Extensions.FileProviders.Abstractions (>= 1.1) - framework: >= net451, >= netstandard13
      Microsoft.Extensions.Logging.Abstractions (>= 1.1.1) - framework: >= net451, >= netstandard13
      NETStandard.Library (>= 1.6.1) - framework: >= net451, >= netstandard13
    Microsoft.AspNetCore.Hosting.Server.Abstractions (1.1.1)
      Microsoft.AspNetCore.Http.Features (>= 1.1.1) - framework: >= net451, >= netstandard13
      Microsoft.Extensions.Configuration.Abstractions (>= 1.1.1) - framework: >= net451, >= netstandard13
      NETStandard.Library (>= 1.6.1) - framework: >= net451, >= netstandard13
    Microsoft.AspNetCore.Html.Abstractions (1.1.1) - framework: >= netstandard16
      NETStandard.Library (>= 1.6.1)
      System.Text.Encodings.Web (>= 4.3)
    Microsoft.AspNetCore.Http (1.1.1)
      Microsoft.AspNetCore.Http.Abstractions (>= 1.1.1) - framework: >= net451, >= netstandard13
      Microsoft.AspNetCore.WebUtilities (>= 1.1.1) - framework: >= net451, >= netstandard13
      Microsoft.Extensions.ObjectPool (>= 1.1) - framework: >= net451, >= netstandard13
      Microsoft.Extensions.Options (>= 1.1.1) - framework: >= net451, >= netstandard13
      Microsoft.Net.Http.Headers (>= 1.1.1) - framework: >= net451, >= netstandard13
      NETStandard.Library (>= 1.6.1) - framework: >= net451, >= netstandard13
      System.Buffers (>= 4.3) - framework: >= net451, >= netstandard13
    Microsoft.AspNetCore.Http.Abstractions (1.1.1)
      Microsoft.AspNetCore.Http.Features (>= 1.1.1) - framework: >= net451, >= netstandard13
      Microsoft.Extensions.Primitives (>= 1.1) - framework: >= net451, >= netstandard13
      NETStandard.Library (>= 1.6.1) - framework: >= net451, >= netstandard13
      System.Globalization.Extensions (>= 4.3) - framework: >= netstandard13
      System.Reflection.TypeExtensions (>= 4.3) - framework: >= netstandard13
      System.Text.Encodings.Web (>= 4.3) - framework: >= net451, >= netstandard13
    Microsoft.AspNetCore.Http.Extensions (1.1.1)
      Microsoft.AspNetCore.Http.Abstractions (>= 1.1.1) - framework: >= net451, >= netstandard13
      Microsoft.Extensions.FileProviders.Abstractions (>= 1.1) - framework: >= net451, >= netstandard13
      Microsoft.Net.Http.Headers (>= 1.1.1) - framework: >= net451, >= netstandard13
      NETStandard.Library (>= 1.6.1) - framework: >= net451, >= netstandard13
      System.Buffers (>= 4.3) - framework: >= net451, >= netstandard13
    Microsoft.AspNetCore.Http.Features (1.1.1)
      Microsoft.Extensions.Primitives (>= 1.1) - framework: >= net451, >= netstandard13
      NETStandard.Library (>= 1.6.1) - framework: >= net451, >= netstandard13
      System.ComponentModel (>= 4.3) - framework: >= netstandard13
      System.Net.WebSockets (>= 4.3) - framework: >= netstandard13
      System.Security.Claims (>= 4.3) - framework: >= netstandard13
      System.Security.Principal (>= 4.3) - framework: >= netstandard13
    Microsoft.AspNetCore.HttpOverrides (1.1.1) - framework: >= netstandard13
      Microsoft.AspNetCore.Http.Extensions (>= 1.1.1) - framework: >= net451, >= netstandard13
      Microsoft.Extensions.Logging.Abstractions (>= 1.1.1) - framework: >= net451, >= netstandard13
      Microsoft.Extensions.Options (>= 1.1.1) - framework: >= net451, >= netstandard13
      NETStandard.Library (>= 1.6.1) - framework: >= net451, >= netstandard13
    Microsoft.AspNetCore.JsonPatch (1.1.1) - framework: >= netstandard16
      Microsoft.CSharp (>= 4.3) - framework: >= netstandard13
      NETStandard.Library (>= 1.6.1) - framework: >= net451, >= netstandard13
      Newtonsoft.Json (>= 9.0.1) - framework: >= net451, >= netstandard13
      System.Reflection.TypeExtensions (>= 4.3) - framework: >= netstandard13
    Microsoft.AspNetCore.Localization (1.1.1) - framework: >= netstandard16
      Microsoft.AspNetCore.Http.Extensions (>= 1.1.1) - framework: >= net451, >= netstandard13
      Microsoft.Extensions.Globalization.CultureInfoCache (>= 1.1.1) - framework: >= net451, >= netstandard13
      Microsoft.Extensions.Localization.Abstractions (>= 1.1.1) - framework: >= net451, >= netstandard13
      Microsoft.Extensions.Options (>= 1.1.1) - framework: >= net451, >= netstandard13
      NETStandard.Library (>= 1.6.1) - framework: >= net451, >= netstandard13
    Microsoft.AspNetCore.Mvc (1.1.2)
      Microsoft.AspNetCore.Mvc.ApiExplorer (>= 1.1.2) - framework: >= net451, >= netstandard16
      Microsoft.AspNetCore.Mvc.Cors (>= 1.1.2) - framework: >= net451, >= netstandard16
      Microsoft.AspNetCore.Mvc.DataAnnotations (>= 1.1.2) - framework: >= net451, >= netstandard16
      Microsoft.AspNetCore.Mvc.Formatters.Json (>= 1.1.2) - framework: >= net451, >= netstandard16
      Microsoft.AspNetCore.Mvc.Localization (>= 1.1.2) - framework: >= net451, >= netstandard16
      Microsoft.AspNetCore.Mvc.Razor (>= 1.1.2) - framework: >= net451, >= netstandard16
      Microsoft.AspNetCore.Mvc.TagHelpers (>= 1.1.2) - framework: >= net451, >= netstandard16
      Microsoft.AspNetCore.Mvc.ViewFeatures (>= 1.1.2) - framework: >= net451, >= netstandard16
      Microsoft.Extensions.Caching.Memory (>= 1.1.1) - framework: >= net451, >= netstandard16
      Microsoft.Extensions.DependencyInjection (>= 1.1) - framework: >= net451, >= netstandard16
      NETStandard.Library (>= 1.6.1) - framework: >= net451, >= netstandard16
    Microsoft.AspNetCore.Mvc.Abstractions (1.1.2) - framework: >= netstandard16
      Microsoft.AspNetCore.Routing.Abstractions (>= 1.1.1) - framework: >= net451, >= netstandard13
      Microsoft.CSharp (>= 4.3) - framework: >= netstandard13
      Microsoft.Net.Http.Headers (>= 1.1.1) - framework: >= net451, >= netstandard13
      NETStandard.Library (>= 1.6.1) - framework: >= net451, >= netstandard13
      System.ComponentModel.TypeConverter (>= 4.3) - framework: >= netstandard13
    Microsoft.AspNetCore.Mvc.ApiExplorer (1.1.2) - framework: >= netstandard16
      Microsoft.AspNetCore.Mvc.Core (>= 1.1.2) - framework: >= net451, >= netstandard16
      NETStandard.Library (>= 1.6.1) - framework: >= net451, >= netstandard16
    Microsoft.AspNetCore.Mvc.Core (1.1.2)
      Microsoft.AspNetCore.Authorization (>= 1.1.1) - framework: >= net451, >= netstandard16
      Microsoft.AspNetCore.Hosting.Abstractions (>= 1.1.1) - framework: >= net451, >= netstandard16
      Microsoft.AspNetCore.Http (>= 1.1.1) - framework: >= net451, >= netstandard16
      Microsoft.AspNetCore.Mvc.Abstractions (>= 1.1.2) - framework: >= net451, >= netstandard16
      Microsoft.AspNetCore.ResponseCaching.Abstractions (>= 1.1.1) - framework: >= net451, >= netstandard16
      Microsoft.AspNetCore.Routing (>= 1.1.1) - framework: >= net451, >= netstandard16
      Microsoft.Extensions.DependencyModel (>= 1.1.1) - framework: >= net451, >= netstandard16
      Microsoft.Extensions.FileProviders.Abstractions (>= 1.1) - framework: >= net451, >= netstandard16
      Microsoft.Extensions.Logging.Abstractions (>= 1.1.1) - framework: >= net451, >= netstandard16
      Microsoft.Extensions.PlatformAbstractions (>= 1.1) - framework: >= net451, >= netstandard16
      NETStandard.Library (>= 1.6.1) - framework: >= net451, >= netstandard16
      System.Buffers (>= 4.3) - framework: >= net451, >= netstandard16
      System.Diagnostics.DiagnosticSource (>= 4.3) - framework: >= net451, >= netstandard16
    Microsoft.AspNetCore.Mvc.Cors (1.1.2) - framework: >= netstandard16
      Microsoft.AspNetCore.Cors (>= 1.1.1) - framework: >= net451, >= netstandard16
      Microsoft.AspNetCore.Mvc.Core (>= 1.1.2) - framework: >= net451, >= netstandard16
      NETStandard.Library (>= 1.6.1) - framework: >= net451, >= netstandard16
    Microsoft.AspNetCore.Mvc.DataAnnotations (1.1.2) - framework: >= netstandard16
      Microsoft.AspNetCore.Mvc.Core (>= 1.1.2) - framework: >= net451, >= netstandard16
      Microsoft.Extensions.Localization (>= 1.1.1) - framework: >= net451, >= netstandard16
      NETStandard.Library (>= 1.6.1) - framework: >= net451, >= netstandard16
      System.ComponentModel.Annotations (>= 4.3) - framework: >= netstandard16
    Microsoft.AspNetCore.Mvc.Formatters.Json (1.1.2) - framework: >= netstandard16
      Microsoft.AspNetCore.JsonPatch (>= 1.1.1) - framework: >= net451, >= netstandard16
      Microsoft.AspNetCore.Mvc.Core (>= 1.1.2) - framework: >= net451, >= netstandard16
      NETStandard.Library (>= 1.6.1) - framework: >= net451, >= netstandard16
    Microsoft.AspNetCore.Mvc.Localization (1.1.2) - framework: >= netstandard16
      Microsoft.AspNetCore.Localization (>= 1.1.1) - framework: >= net451, >= netstandard16
      Microsoft.AspNetCore.Mvc.Razor (>= 1.1.2) - framework: >= net451, >= netstandard16
      Microsoft.Extensions.DependencyInjection (>= 1.1) - framework: >= net451, >= netstandard16
      Microsoft.Extensions.Localization (>= 1.1.1) - framework: >= net451, >= netstandard16
      NETStandard.Library (>= 1.6.1) - framework: >= net451, >= netstandard16
    Microsoft.AspNetCore.Mvc.Razor (1.1.2)
      Microsoft.AspNetCore.Mvc.Razor.Host (>= 1.1.2) - framework: >= net451, >= netstandard16
      Microsoft.AspNetCore.Mvc.ViewFeatures (>= 1.1.2) - framework: >= net451, >= netstandard16
      Microsoft.CodeAnalysis.CSharp (>= 1.3) - framework: >= net451, >= netstandard16
      Microsoft.Extensions.FileProviders.Composite (>= 1.1) - framework: >= net451, >= netstandard16
      NETStandard.Library (>= 1.6.1) - framework: >= net451, >= netstandard16
      System.Runtime.Loader (>= 4.3) - framework: >= netstandard16
    Microsoft.AspNetCore.Mvc.Razor.Host (1.1.2) - framework: >= netstandard16
      Microsoft.AspNetCore.Razor.Runtime (>= 1.1.1) - framework: >= net451, >= netstandard16
      Microsoft.Extensions.Caching.Memory (>= 1.1.1) - framework: >= net451, >= netstandard16
      Microsoft.Extensions.FileProviders.Physical (>= 1.1) - framework: >= net451, >= netstandard16
      NETStandard.Library (>= 1.6.1) - framework: >= net451, >= netstandard16
      System.ComponentModel.TypeConverter (>= 4.3) - framework: >= netstandard16
    Microsoft.AspNetCore.Mvc.TagHelpers (1.1.2) - framework: >= netstandard16
      Microsoft.AspNetCore.Mvc.Razor (>= 1.1.2) - framework: >= net451, >= netstandard16
      Microsoft.AspNetCore.Routing.Abstractions (>= 1.1.1) - framework: >= net451, >= netstandard16
      Microsoft.Extensions.Caching.Memory (>= 1.1.1) - framework: >= net451, >= netstandard16
      Microsoft.Extensions.FileSystemGlobbing (>= 1.1) - framework: >= net451, >= netstandard16
      Microsoft.Extensions.Primitives (>= 1.1) - framework: >= net451, >= netstandard16
      NETStandard.Library (>= 1.6.1) - framework: >= net451, >= netstandard16
    Microsoft.AspNetCore.Mvc.ViewFeatures (1.1.2)
      Microsoft.AspNetCore.Antiforgery (>= 1.1.1) - framework: >= net451, >= netstandard16
      Microsoft.AspNetCore.Diagnostics.Abstractions (>= 1.1.1) - framework: >= net451, >= netstandard16
      Microsoft.AspNetCore.Html.Abstractions (>= 1.1.1) - framework: >= net451, >= netstandard16
      Microsoft.AspNetCore.Mvc.Core (>= 1.1.2) - framework: >= net451, >= netstandard16
      Microsoft.AspNetCore.Mvc.DataAnnotations (>= 1.1.2) - framework: >= net451, >= netstandard16
      Microsoft.AspNetCore.Mvc.Formatters.Json (>= 1.1.2) - framework: >= net451, >= netstandard16
      Microsoft.Extensions.WebEncoders (>= 1.1.1) - framework: >= net451, >= netstandard16
      NETStandard.Library (>= 1.6.1) - framework: >= net451, >= netstandard16
      Newtonsoft.Json (>= 9.0.1) - framework: >= net451, >= netstandard16
      System.Buffers (>= 4.3) - framework: >= net451, >= netstandard16
      System.Runtime.Serialization.Primitives (>= 4.3) - framework: >= netstandard16
    Microsoft.AspNetCore.Razor (1.1.1) - framework: >= netstandard16
      NETStandard.Library (>= 1.6.1) - framework: >= net451, >= netstandard13
      System.Threading.Thread (>= 4.3) - framework: >= netstandard13
    Microsoft.AspNetCore.Razor.Runtime (1.1.1) - framework: >= netstandard16
      Microsoft.AspNetCore.Html.Abstractions (>= 1.1.1) - framework: >= net451, >= netstandard15
      Microsoft.AspNetCore.Razor (>= 1.1.1) - framework: >= net451, >= netstandard15
      NETStandard.Library (>= 1.6.1) - framework: >= net451, >= netstandard15
      System.Reflection.TypeExtensions (>= 4.3) - framework: >= netstandard15
    Microsoft.AspNetCore.ResponseCaching.Abstractions (1.1.1) - framework: >= netstandard16
      Microsoft.Extensions.Primitives (>= 1.1) - framework: >= net451, >= netstandard13
      NETStandard.Library (>= 1.6.1) - framework: >= netstandard13
    Microsoft.AspNetCore.Routing (1.1.1)
      Microsoft.AspNetCore.Http.Extensions (>= 1.1.1) - framework: >= net451, >= netstandard13
      Microsoft.AspNetCore.Routing.Abstractions (>= 1.1.1) - framework: >= net451, >= netstandard13
      Microsoft.Extensions.Logging.Abstractions (>= 1.1.1) - framework: >= net451, >= netstandard13
      Microsoft.Extensions.ObjectPool (>= 1.1) - framework: >= net451, >= netstandard13
      Microsoft.Extensions.Options (>= 1.1.1) - framework: >= net451, >= netstandard13
      NETStandard.Library (>= 1.6.1) - framework: >= net451, >= netstandard13
    Microsoft.AspNetCore.Routing.Abstractions (1.1.1)
      Microsoft.AspNetCore.Http.Abstractions (>= 1.1.1) - framework: >= net451, >= netstandard13
      NETStandard.Library (>= 1.6.1) - framework: >= net451, >= netstandard13
    Microsoft.AspNetCore.Server.IISIntegration (1.1.1) - framework: >= netstandard13
      Microsoft.AspNetCore.Hosting.Abstractions (>= 1.1.1) - framework: >= net451, >= netstandard13
      Microsoft.AspNetCore.Http (>= 1.1.1) - framework: >= net451, >= netstandard13
      Microsoft.AspNetCore.Http.Extensions (>= 1.1.1) - framework: >= net451, >= netstandard13
      Microsoft.AspNetCore.HttpOverrides (>= 1.1.1) - framework: >= net451, >= netstandard13
      Microsoft.Extensions.Logging.Abstractions (>= 1.1.1) - framework: >= net451, >= netstandard13
      Microsoft.Extensions.Options (>= 1.1.1) - framework: >= net451, >= netstandard13
      NETStandard.Library (>= 1.6.1) - framework: >= net451, >= netstandard13
      System.Security.Principal.Windows (>= 4.3) - framework: >= netstandard13
    Microsoft.AspNetCore.Server.Kestrel (1.1.1) - framework: >= netstandard13
      Libuv (>= 1.9.1) - framework: >= net451, >= netstandard13
      Microsoft.AspNetCore.Hosting (>= 1.1.1) - framework: >= net451, >= netstandard13
      Microsoft.Extensions.Logging.Abstractions (>= 1.1.1) - framework: >= net451, >= netstandard13
      NETStandard.Library (>= 1.6.1) - framework: >= net451, >= netstandard13
      System.Buffers (>= 4.3) - framework: >= net451, >= netstandard13
      System.Numerics.Vectors (>= 4.3) - framework: >= net451, >= netstandard13
      System.Threading.Tasks.Extensions (>= 4.3) - framework: >= net451, >= netstandard13
      System.Threading.Thread (>= 4.3) - framework: >= netstandard13
      System.Threading.ThreadPool (>= 4.3) - framework: >= netstandard13
    Microsoft.AspNetCore.StaticFiles (1.1.1)
      Microsoft.AspNetCore.Hosting.Abstractions (>= 1.1.1) - framework: >= net451, >= netstandard13
      Microsoft.AspNetCore.Http.Extensions (>= 1.1.1) - framework: >= net451, >= netstandard13
      Microsoft.Extensions.FileProviders.Abstractions (>= 1.1) - framework: >= net451, >= netstandard13
      Microsoft.Extensions.Logging.Abstractions (>= 1.1.1) - framework: >= net451, >= netstandard13
      Microsoft.Extensions.WebEncoders (>= 1.1.1) - framework: >= net451, >= netstandard13
      NETStandard.Library (>= 1.6.1) - framework: >= net451, >= netstandard13
    Microsoft.AspNetCore.WebSockets (1.0.1)
      Microsoft.AspNetCore.Http.Extensions (>= 1.1.1) - framework: >= net451, >= netstandard13
      Microsoft.Extensions.Options (>= 1.1.1) - framework: >= net451, >= netstandard13
      NETStandard.Library (>= 1.6.1) - framework: >= net451, >= netstandard13
    Microsoft.AspNetCore.WebUtilities (1.1.1)
      Microsoft.Extensions.Primitives (>= 1.1) - framework: >= net451, >= netstandard13
      Microsoft.Net.Http.Headers (>= 1.1.1) - framework: >= net451, >= netstandard13
      NETStandard.Library (>= 1.6.1) - framework: >= net451, >= netstandard13
      System.Buffers (>= 4.3) - framework: >= net451, >= netstandard13
      System.Text.Encodings.Web (>= 4.3) - framework: >= net451, >= netstandard13
    Microsoft.CodeAnalysis.Analyzers (1.1) - framework: >= netstandard16
    Microsoft.CodeAnalysis.Common (2.1) - framework: >= netstandard16
      Microsoft.CodeAnalysis.Analyzers (>= 1.1) - framework: >= net46, >= netstandard13
      System.AppContext (>= 4.3) - framework: >= net46, >= netstandard13
      System.Collections (>= 4.3) - framework: >= net46, >= netstandard13
      System.Collections.Concurrent (>= 4.3) - framework: >= net46, >= netstandard13
      System.Collections.Immutable (>= 1.3.1) - framework: >= net46, >= netstandard13
      System.Console (>= 4.3) - framework: >= net46, >= netstandard13
      System.Diagnostics.Debug (>= 4.3) - framework: >= net46, >= netstandard13
      System.Diagnostics.FileVersionInfo (>= 4.3) - framework: >= net46, >= netstandard13
      System.Diagnostics.StackTrace (>= 4.3) - framework: >= net46, >= netstandard13
      System.Diagnostics.Tools (>= 4.3) - framework: >= net46, >= netstandard13
      System.Dynamic.Runtime (>= 4.3) - framework: >= net46, >= netstandard13
      System.Globalization (>= 4.3) - framework: >= net46, >= netstandard13
      System.IO.Compression (>= 4.3) - framework: >= net46, >= netstandard13
      System.IO.FileSystem (>= 4.3) - framework: >= net46, >= netstandard13
      System.IO.FileSystem.Primitives (>= 4.3) - framework: >= net46, >= netstandard13
      System.Linq (>= 4.3) - framework: >= net46, >= netstandard13
      System.Linq.Expressions (>= 4.3) - framework: >= net46, >= netstandard13
      System.Reflection (>= 4.3) - framework: >= net46, >= netstandard13
      System.Reflection.Metadata (>= 1.4.2) - framework: >= net46, >= netstandard13
      System.Resources.ResourceManager (>= 4.3) - framework: >= net46, >= netstandard13
      System.Runtime (>= 4.3) - framework: >= net46, >= netstandard13
      System.Runtime.Extensions (>= 4.3) - framework: >= net46, >= netstandard13
      System.Runtime.InteropServices (>= 4.3) - framework: >= net46, >= netstandard13
      System.Runtime.Numerics (>= 4.3) - framework: >= net46, >= netstandard13
      System.Security.Cryptography.Algorithms (>= 4.3) - framework: >= net46, >= netstandard13
      System.Security.Cryptography.Encoding (>= 4.3) - framework: >= net46, >= netstandard13
      System.Security.Cryptography.X509Certificates (>= 4.3) - framework: >= net46, >= netstandard13
      System.Text.Encoding (>= 4.3) - framework: >= net46, >= netstandard13
      System.Text.Encoding.CodePages (>= 4.3) - framework: >= net46, >= netstandard13
      System.Text.Encoding.Extensions (>= 4.3) - framework: >= net46, >= netstandard13
      System.Threading (>= 4.3) - framework: >= net46, >= netstandard13
      System.Threading.Tasks (>= 4.3) - framework: >= net46, >= netstandard13
      System.Threading.Tasks.Parallel (>= 4.3) - framework: >= net46, >= netstandard13
      System.Threading.Thread (>= 4.3) - framework: >= net46, >= netstandard13
      System.ValueTuple (>= 4.3) - framework: >= net46, >= netstandard13
      System.Xml.ReaderWriter (>= 4.3) - framework: >= net46, >= netstandard13
      System.Xml.XDocument (>= 4.3) - framework: >= net46, >= netstandard13
      System.Xml.XmlDocument (>= 4.3) - framework: >= net46, >= netstandard13
      System.Xml.XPath.XDocument (>= 4.3) - framework: >= net46, >= netstandard13
    Microsoft.CodeAnalysis.CSharp (2.1) - framework: >= netstandard16
      Microsoft.CodeAnalysis.Common (2.1)
    Microsoft.CSharp (4.3)
      System.Collections (>= 4.3) - framework: >= netstandard13
      System.Diagnostics.Debug (>= 4.3) - framework: >= netstandard13
      System.Dynamic.Runtime (>= 4.3) - framework: netstandard10, >= netstandard13
      System.Globalization (>= 4.3) - framework: >= netstandard13
      System.Linq (>= 4.3) - framework: >= netstandard13
      System.Linq.Expressions (>= 4.3) - framework: netstandard10, >= netstandard13
      System.ObjectModel (>= 4.3) - framework: >= netstandard13
      System.Reflection (>= 4.3) - framework: >= netstandard13
      System.Reflection.Extensions (>= 4.3) - framework: >= netstandard13
      System.Reflection.Primitives (>= 4.3) - framework: >= netstandard13
      System.Reflection.TypeExtensions (>= 4.3) - framework: >= netstandard13
      System.Resources.ResourceManager (>= 4.3) - framework: >= netstandard13
      System.Runtime (>= 4.3) - framework: netstandard10, >= netstandard13
      System.Runtime.Extensions (>= 4.3) - framework: >= netstandard13
      System.Runtime.InteropServices (>= 4.3) - framework: >= netstandard13
      System.Threading (>= 4.3) - framework: >= netstandard13
    Microsoft.DotNet.PlatformAbstractions (1.1.1)
      System.AppContext (>= 4.1) - framework: >= netstandard13
      System.Collections (>= 4.0.11) - framework: >= netstandard13
      System.IO (>= 4.1) - framework: >= netstandard13
      System.IO.FileSystem (>= 4.0.1) - framework: >= netstandard13
      System.Reflection.TypeExtensions (>= 4.1) - framework: >= netstandard13
      System.Runtime.Extensions (>= 4.1) - framework: >= netstandard13
      System.Runtime.InteropServices (>= 4.1) - framework: >= netstandard13
      System.Runtime.InteropServices.RuntimeInformation (>= 4.0) - framework: >= netstandard13
    Microsoft.Extensions.Caching.Abstractions (1.1.1)
      Microsoft.Extensions.Primitives (>= 1.1)
      NETStandard.Library (>= 1.6.1)
    Microsoft.Extensions.Caching.Memory (1.1.1)
      Microsoft.Extensions.Caching.Abstractions (>= 1.1.1) - framework: >= net451, >= netstandard13
      Microsoft.Extensions.DependencyInjection.Abstractions (>= 1.1) - framework: >= net451, >= netstandard13
      Microsoft.Extensions.Options (>= 1.1.1) - framework: >= net451, >= netstandard13
      NETStandard.Library (>= 1.6.1) - framework: >= net451, >= netstandard13
    Microsoft.Extensions.Configuration (1.1.1)
      Microsoft.Extensions.Configuration.Abstractions (>= 1.1.1) - framework: >= net45, >= netstandard11
      NETStandard.Library (>= 1.6.1) - framework: >= net45, >= netstandard11
    Microsoft.Extensions.Configuration.Abstractions (1.1.1)
      Microsoft.Extensions.Primitives (>= 1.1)
      NETStandard.Library (>= 1.6.1)
    Microsoft.Extensions.Configuration.Binder (1.1.1) - framework: >= netstandard13
      Microsoft.Extensions.Configuration (>= 1.1.1) - framework: >= net45, >= netstandard11
      NETStandard.Library (>= 1.6.1) - framework: >= net45, >= netstandard11
      System.ComponentModel.TypeConverter (>= 4.3) - framework: >= net45, >= netstandard11
    Microsoft.Extensions.Configuration.EnvironmentVariables (1.1.1)
      Microsoft.Extensions.Configuration (>= 1.1.1) - framework: >= net451, >= netstandard13
      NETStandard.Library (>= 1.6.1) - framework: >= net451, >= netstandard13
    Microsoft.Extensions.Configuration.FileExtensions (1.1.1) - framework: >= netstandard13
      Microsoft.Extensions.Configuration (>= 1.1.1) - framework: >= net451, >= netstandard13
      Microsoft.Extensions.FileProviders.Physical (>= 1.1) - framework: >= net451, >= netstandard13
      NETStandard.Library (>= 1.6.1) - framework: >= net451, >= netstandard13
      System.Threading.Thread (>= 4.3) - framework: >= netstandard13
    Microsoft.Extensions.Configuration.Json (1.1.1) - framework: >= netstandard13
      Microsoft.Extensions.Configuration (>= 1.1.1) - framework: >= net451, >= netstandard13
      Microsoft.Extensions.Configuration.FileExtensions (>= 1.1.1) - framework: >= net451, >= netstandard13
      NETStandard.Library (>= 1.6.1) - framework: >= net451, >= netstandard13
      Newtonsoft.Json (>= 9.0.1) - framework: >= net451, >= netstandard13
      System.Dynamic.Runtime (>= 4.3) - framework: >= netstandard13
      System.Runtime.Serialization.Primitives (>= 4.3) - framework: >= netstandard13
    Microsoft.Extensions.DependencyInjection (1.1)
      Microsoft.Extensions.DependencyInjection.Abstractions (>= 1.1) - framework: >= net45, >= netstandard11
      NETStandard.Library (>= 1.6.1) - framework: >= net45, >= netstandard11
    Microsoft.Extensions.DependencyInjection.Abstractions (1.1)
      NETStandard.Library (>= 1.6.1)
      System.ComponentModel (>= 4.3)
    Microsoft.Extensions.DependencyModel (1.1.1)
      Microsoft.DotNet.PlatformAbstractions (>= 1.1.1) - framework: >= net451, netstandard13, >= netstandard16
      Newtonsoft.Json (>= 9.0.1) - framework: >= net451, netstandard13, >= netstandard16
      System.Diagnostics.Debug (>= 4.0.11) - framework: netstandard13, >= netstandard16
      System.Dynamic.Runtime (>= 4.0.11) - framework: netstandard13, >= netstandard16
      System.Linq (>= 4.1) - framework: netstandard13, >= netstandard16
    Microsoft.Extensions.FileProviders.Abstractions (1.1)
      Microsoft.Extensions.Primitives (>= 1.1)
      NETStandard.Library (>= 1.6.1)
    Microsoft.Extensions.FileProviders.Composite (1.1) - framework: >= netstandard16
      Microsoft.Extensions.FileProviders.Abstractions (>= 1.1)
      NETStandard.Library (>= 1.6.1)
    Microsoft.Extensions.FileProviders.Physical (1.1)
      Microsoft.Extensions.FileProviders.Abstractions (>= 1.1) - framework: >= net451, >= netstandard13
      Microsoft.Extensions.FileSystemGlobbing (>= 1.1) - framework: >= net451, >= netstandard13
      NETStandard.Library (>= 1.6.1) - framework: >= net451, >= netstandard13
      System.IO.FileSystem.Watcher (>= 4.3) - framework: >= netstandard13
    Microsoft.Extensions.FileSystemGlobbing (1.1)
      NETStandard.Library (>= 1.6.1) - framework: >= net45, >= netstandard13
    Microsoft.Extensions.Globalization.CultureInfoCache (1.1.1) - framework: >= netstandard16
      NETStandard.Library (>= 1.6.1) - framework: >= net45, >= netstandard11
    Microsoft.Extensions.Localization (1.1.1)
      Microsoft.AspNetCore.Hosting.Abstractions (>= 1.1.1) - framework: >= net451, >= netstandard13
      Microsoft.Extensions.DependencyInjection.Abstractions (>= 1.1) - framework: >= net451, >= netstandard13
      Microsoft.Extensions.Localization.Abstractions (>= 1.1.1) - framework: >= net451, >= netstandard13
      Microsoft.Extensions.Options (>= 1.1.1) - framework: >= net451, >= netstandard13
      NETStandard.Library (>= 1.6.1) - framework: >= net451, >= netstandard13
      System.Resources.Reader (>= 4.3) - framework: >= netstandard13
    Microsoft.Extensions.Localization.Abstractions (1.1.1)
      Microsoft.CSharp (>= 4.3)
      NETStandard.Library (>= 1.6.1)
    Microsoft.Extensions.Logging (1.1.1)
      Microsoft.Extensions.DependencyInjection.Abstractions (>= 1.1) - framework: >= net45, >= netstandard11
      Microsoft.Extensions.Logging.Abstractions (>= 1.1.1) - framework: >= net45, >= netstandard11
      NETStandard.Library (>= 1.6.1) - framework: >= net45, >= netstandard11
    Microsoft.Extensions.Logging.Abstractions (1.1.1)
      NETStandard.Library (>= 1.6.1) - framework: >= net45, >= netstandard11
    Microsoft.Extensions.Logging.Console (1.1.1) - framework: >= netstandard13
      Microsoft.Extensions.Configuration.Abstractions (>= 1.1.1) - framework: >= net451, >= netstandard13
      Microsoft.Extensions.Logging.Abstractions (>= 1.1.1) - framework: >= net451, >= netstandard13
      NETStandard.Library (>= 1.6.1) - framework: >= net451, >= netstandard13
    Microsoft.Extensions.ObjectPool (1.1)
      NETStandard.Library (>= 1.6.1) - framework: >= net451, >= netstandard13
    Microsoft.Extensions.Options (1.1.1)
      Microsoft.Extensions.DependencyInjection.Abstractions (>= 1.1)
      Microsoft.Extensions.Primitives (>= 1.1)
      NETStandard.Library (>= 1.6.1)
      System.ComponentModel (>= 4.3)
    Microsoft.Extensions.Options.ConfigurationExtensions (1.1.1) - framework: >= netstandard13
      Microsoft.Extensions.Configuration.Abstractions (>= 1.1.1) - framework: >= net45, >= netstandard11
      Microsoft.Extensions.Configuration.Binder (>= 1.1.1) - framework: >= net45, >= netstandard11
      Microsoft.Extensions.DependencyInjection.Abstractions (>= 1.1) - framework: >= net45, >= netstandard11
      Microsoft.Extensions.Options (>= 1.1.1) - framework: >= net45, >= netstandard11
      NETStandard.Library (>= 1.6.1) - framework: >= net45, >= netstandard11
    Microsoft.Extensions.PlatformAbstractions (1.1)
      NETStandard.Library (>= 1.6.1) - framework: >= net451, >= netstandard13
      System.Reflection.TypeExtensions (>= 4.3) - framework: >= netstandard13
    Microsoft.Extensions.Primitives (1.1)
      NETStandard.Library (>= 1.6.1)
      System.Runtime.CompilerServices.Unsafe (>= 4.3)
    Microsoft.Extensions.WebEncoders (1.1.1)
      Microsoft.Extensions.DependencyInjection.Abstractions (>= 1.1)
      Microsoft.Extensions.Options (>= 1.1.1)
      NETStandard.Library (>= 1.6.1)
      System.Text.Encodings.Web (>= 4.3)
    Microsoft.Net.Http.Headers (1.1.1)
      Microsoft.Extensions.Primitives (>= 1.1) - framework: >= net45, >= netstandard11
      NETStandard.Library (>= 1.6.1) - framework: >= net45, >= netstandard11
      System.Buffers (>= 4.3) - framework: >= net45, >= netstandard11
      System.Diagnostics.Contracts (>= 4.3) - framework: >= net45, >= netstandard11
    Microsoft.NETCore.Platforms (1.1)
    Microsoft.NETCore.Targets (1.1)
    Microsoft.VisualStudio.Web.BrowserLink.Loader (14.1)
      Microsoft.AspNetCore.Http.Abstractions (>= 1.0) - framework: >= net451, >= netstandard15
      Microsoft.Extensions.FileProviders.Physical (>= 1.0) - framework: >= net451, >= netstandard15
      Microsoft.Extensions.PlatformAbstractions (>= 1.0) - framework: >= net451, >= netstandard15
      Microsoft.Win32.Registry (>= 4.0) - framework: >= netstandard15
      System.Collections (>= 4.0.11) - framework: >= netstandard15
      System.Net.Sockets (>= 4.1) - framework: >= netstandard15
      System.Runtime.Loader (>= 4.0) - framework: >= netstandard15
      System.Text.Encoding (>= 4.0.11) - framework: >= netstandard15
      System.Threading (>= 4.0.11) - framework: >= netstandard15
    Microsoft.Win32.Primitives (4.3)
      Microsoft.NETCore.Platforms (>= 1.1) - framework: >= netstandard13
      Microsoft.NETCore.Targets (>= 1.1) - framework: >= netstandard13
      System.Runtime (>= 4.3) - framework: >= netstandard13
    Microsoft.Win32.Registry (4.3)
      Microsoft.NETCore.Platforms (>= 1.1) - framework: >= netstandard13
      System.Collections (>= 4.3) - framework: >= netstandard13
      System.Globalization (>= 4.3) - framework: >= netstandard13
      System.Resources.ResourceManager (>= 4.3) - framework: >= netstandard13
      System.Runtime (>= 4.3) - framework: >= netstandard13
      System.Runtime.Extensions (>= 4.3) - framework: >= netstandard13
      System.Runtime.Handles (>= 4.3) - framework: >= netstandard13
      System.Runtime.InteropServices (>= 4.3) - framework: >= netstandard13
    NETStandard.Library (1.6.1)
      Microsoft.NETCore.Platforms (>= 1.1)
      Microsoft.Win32.Primitives (>= 4.3) - framework: >= net46, >= netstandard13
      System.AppContext (>= 4.3) - framework: >= net46, >= netstandard13
      System.Collections (>= 4.3)
      System.Collections.Concurrent (>= 4.3) - framework: >= net45, >= netstandard11
      System.Console (>= 4.3) - framework: >= net46, >= netstandard13
      System.Diagnostics.Debug (>= 4.3)
      System.Diagnostics.Tools (>= 4.3)
      System.Diagnostics.Tracing (>= 4.3) - framework: >= net45, >= netstandard11
      System.Globalization (>= 4.3)
      System.Globalization.Calendars (>= 4.3) - framework: >= net46, >= netstandard13
      System.IO (>= 4.3)
      System.IO.Compression (>= 4.3) - framework: >= net45, >= netstandard11
      System.IO.Compression.ZipFile (>= 4.3) - framework: >= net46, >= netstandard13
      System.IO.FileSystem (>= 4.3) - framework: >= net46, >= netstandard13
      System.IO.FileSystem.Primitives (>= 4.3) - framework: >= net46, >= netstandard13
      System.Linq (>= 4.3)
      System.Linq.Expressions (>= 4.3)
      System.Net.Http (>= 4.3) - framework: >= net45, >= netstandard11
      System.Net.Primitives (>= 4.3)
      System.Net.Sockets (>= 4.3) - framework: >= net46, >= netstandard13
      System.ObjectModel (>= 4.3)
      System.Reflection (>= 4.3)
      System.Reflection.Extensions (>= 4.3)
      System.Reflection.Primitives (>= 4.3)
      System.Resources.ResourceManager (>= 4.3)
      System.Runtime (>= 4.3)
      System.Runtime.Extensions (>= 4.3)
      System.Runtime.Handles (>= 4.3) - framework: >= net46, >= netstandard13
      System.Runtime.InteropServices (>= 4.3) - framework: >= net45, >= netstandard11
      System.Runtime.InteropServices.RuntimeInformation (>= 4.3) - framework: >= net45, >= netstandard11
      System.Runtime.Numerics (>= 4.3) - framework: >= net45, >= netstandard11
      System.Security.Cryptography.Algorithms (>= 4.3) - framework: >= net46, >= netstandard13
      System.Security.Cryptography.Encoding (>= 4.3) - framework: >= net46, >= netstandard13
      System.Security.Cryptography.Primitives (>= 4.3) - framework: >= net46, >= netstandard13
      System.Security.Cryptography.X509Certificates (>= 4.3) - framework: >= net46, >= netstandard13
      System.Text.Encoding (>= 4.3)
      System.Text.Encoding.Extensions (>= 4.3)
      System.Text.RegularExpressions (>= 4.3)
      System.Threading (>= 4.3)
      System.Threading.Tasks (>= 4.3)
      System.Threading.Timer (>= 4.3) - framework: >= net451, >= netstandard12
      System.Xml.ReaderWriter (>= 4.3)
      System.Xml.XDocument (>= 4.3)
    Newtonsoft.Json (10.0.2)
      Microsoft.CSharp (>= 4.3) - framework: netstandard10, >= netstandard13
      NETStandard.Library (>= 1.6.1) - framework: netstandard10, >= netstandard13
      System.ComponentModel.TypeConverter (>= 4.3) - framework: netstandard10, >= netstandard13
      System.Runtime.Serialization.Formatters (>= 4.3) - framework: >= netstandard13
      System.Runtime.Serialization.Primitives (>= 4.3) - framework: netstandard10, >= netstandard13
      System.Xml.XmlDocument (>= 4.3) - framework: >= netstandard13
    runtime.debian.8-x64.runtime.native.System.Security.Cryptography.OpenSsl (4.3)
    runtime.fedora.23-x64.runtime.native.System.Security.Cryptography.OpenSsl (4.3)
    runtime.fedora.24-x64.runtime.native.System.Security.Cryptography.OpenSsl (4.3)
    runtime.native.System (4.3)
      Microsoft.NETCore.Platforms (>= 1.1)
      Microsoft.NETCore.Targets (>= 1.1)
    runtime.native.System.IO.Compression (4.3) - framework: >= netstandard13
      Microsoft.NETCore.Platforms (>= 1.1)
      Microsoft.NETCore.Targets (>= 1.1)
    runtime.native.System.Net.Http (4.3)
      Microsoft.NETCore.Platforms (>= 1.1)
      Microsoft.NETCore.Targets (>= 1.1)
    runtime.native.System.Security.Cryptography.Apple (4.3) - framework: >= netstandard16
      runtime.osx.10.10-x64.runtime.native.System.Security.Cryptography.Apple (>= 4.3)
    runtime.native.System.Security.Cryptography.OpenSsl (4.3)
      runtime.debian.8-x64.runtime.native.System.Security.Cryptography.OpenSsl (>= 4.3)
      runtime.fedora.23-x64.runtime.native.System.Security.Cryptography.OpenSsl (>= 4.3)
      runtime.fedora.24-x64.runtime.native.System.Security.Cryptography.OpenSsl (>= 4.3)
      runtime.opensuse.13.2-x64.runtime.native.System.Security.Cryptography.OpenSsl (>= 4.3)
      runtime.opensuse.42.1-x64.runtime.native.System.Security.Cryptography.OpenSsl (>= 4.3)
      runtime.osx.10.10-x64.runtime.native.System.Security.Cryptography.OpenSsl (>= 4.3)
      runtime.rhel.7-x64.runtime.native.System.Security.Cryptography.OpenSsl (>= 4.3)
      runtime.ubuntu.14.04-x64.runtime.native.System.Security.Cryptography.OpenSsl (>= 4.3)
      runtime.ubuntu.16.04-x64.runtime.native.System.Security.Cryptography.OpenSsl (>= 4.3)
      runtime.ubuntu.16.10-x64.runtime.native.System.Security.Cryptography.OpenSsl (>= 4.3)
    runtime.opensuse.13.2-x64.runtime.native.System.Security.Cryptography.OpenSsl (4.3)
    runtime.opensuse.42.1-x64.runtime.native.System.Security.Cryptography.OpenSsl (4.3)
    runtime.osx.10.10-x64.runtime.native.System.Security.Cryptography.Apple (4.3) - framework: >= netstandard16
    runtime.osx.10.10-x64.runtime.native.System.Security.Cryptography.OpenSsl (4.3)
    runtime.rhel.7-x64.runtime.native.System.Security.Cryptography.OpenSsl (4.3)
    runtime.ubuntu.14.04-x64.runtime.native.System.Security.Cryptography.OpenSsl (4.3)
    runtime.ubuntu.16.04-x64.runtime.native.System.Security.Cryptography.OpenSsl (4.3)
    runtime.ubuntu.16.10-x64.runtime.native.System.Security.Cryptography.OpenSsl (4.3)
    System.AppContext (4.3)
      System.Runtime (>= 4.3) - framework: netstandard13, >= netstandard16
    System.Buffers (4.3)
      System.Diagnostics.Debug (>= 4.3) - framework: >= netstandard11
      System.Diagnostics.Tracing (>= 4.3) - framework: >= netstandard11
      System.Resources.ResourceManager (>= 4.3) - framework: >= netstandard11
      System.Runtime (>= 4.3) - framework: >= netstandard11
      System.Threading (>= 4.3) - framework: >= netstandard11
    System.Collections (4.3)
      Microsoft.NETCore.Platforms (>= 1.1) - framework: netstandard10, >= netstandard13
      Microsoft.NETCore.Targets (>= 1.1) - framework: netstandard10, >= netstandard13
      System.Runtime (>= 4.3) - framework: netstandard10, >= netstandard13
    System.Collections.Concurrent (4.3)
      System.Collections (>= 4.3) - framework: >= netstandard13
      System.Diagnostics.Debug (>= 4.3) - framework: >= netstandard13
      System.Diagnostics.Tracing (>= 4.3) - framework: >= netstandard13
      System.Globalization (>= 4.3) - framework: >= netstandard13
      System.Reflection (>= 4.3) - framework: >= netstandard13
      System.Resources.ResourceManager (>= 4.3) - framework: >= netstandard13
      System.Runtime (>= 4.3) - framework: netstandard11, >= netstandard13
      System.Runtime.Extensions (>= 4.3) - framework: >= netstandard13
      System.Threading (>= 4.3) - framework: >= netstandard13
      System.Threading.Tasks (>= 4.3) - framework: netstandard11, >= netstandard13
    System.Collections.Immutable (1.3.1)
      System.Collections (>= 4.3)
      System.Diagnostics.Debug (>= 4.3)
      System.Globalization (>= 4.3)
      System.Linq (>= 4.3)
      System.Resources.ResourceManager (>= 4.3)
      System.Runtime (>= 4.3)
      System.Runtime.Extensions (>= 4.3)
      System.Threading (>= 4.3)
    System.Collections.NonGeneric (4.3) - framework: >= netstandard15
      System.Diagnostics.Debug (>= 4.3) - framework: >= netstandard13
      System.Globalization (>= 4.3) - framework: >= netstandard13
      System.Resources.ResourceManager (>= 4.3) - framework: >= netstandard13
      System.Runtime (>= 4.3) - framework: >= netstandard13
      System.Runtime.Extensions (>= 4.3) - framework: >= netstandard13
      System.Threading (>= 4.3) - framework: >= netstandard13
    System.Collections.Specialized (4.3) - framework: >= netstandard15
      System.Collections.NonGeneric (>= 4.3) - framework: >= netstandard13
      System.Globalization (>= 4.3) - framework: >= netstandard13
      System.Globalization.Extensions (>= 4.3) - framework: >= netstandard13
      System.Resources.ResourceManager (>= 4.3) - framework: >= netstandard13
      System.Runtime (>= 4.3) - framework: >= netstandard13
      System.Runtime.Extensions (>= 4.3) - framework: >= netstandard13
      System.Threading (>= 4.3) - framework: >= netstandard13
    System.ComponentModel (4.3)
      System.Runtime (>= 4.3) - framework: netstandard10, >= netstandard13
    System.ComponentModel.Annotations (4.3)
      System.Collections (>= 4.3) - framework: >= netstandard14
      System.ComponentModel (>= 4.3) - framework: >= netstandard13
      System.Globalization (>= 4.3) - framework: >= netstandard14
      System.Linq (>= 4.3) - framework: >= netstandard14
      System.Reflection (>= 4.3) - framework: >= netstandard14
      System.Reflection.Extensions (>= 4.3) - framework: >= netstandard14
      System.Resources.ResourceManager (>= 4.3) - framework: >= netstandard14
      System.Runtime (>= 4.3) - framework: netstandard11, >= netstandard13
      System.Runtime.Extensions (>= 4.3) - framework: >= netstandard14
      System.Text.RegularExpressions (>= 4.3) - framework: >= netstandard14
      System.Threading (>= 4.3) - framework: >= netstandard14
    System.ComponentModel.Primitives (4.3) - framework: netstandard10, >= netstandard15
      System.ComponentModel (>= 4.3)
      System.Resources.ResourceManager (>= 4.3)
      System.Runtime (>= 4.3)
    System.ComponentModel.TypeConverter (4.3)
      System.Collections (>= 4.3) - framework: netstandard10, >= netstandard15
      System.Collections.NonGeneric (>= 4.3) - framework: >= net462, >= netstandard15
      System.Collections.Specialized (>= 4.3) - framework: >= netstandard15
      System.ComponentModel (>= 4.3) - framework: netstandard10, >= netstandard15
      System.ComponentModel.Primitives (>= 4.3) - framework: net45, >= net462, netstandard10, >= netstandard15
      System.Globalization (>= 4.3) - framework: netstandard10, >= netstandard15
      System.Linq (>= 4.3) - framework: >= netstandard15
      System.Reflection (>= 4.3) - framework: netstandard10, >= netstandard15
      System.Reflection.Extensions (>= 4.3) - framework: netstandard10, >= netstandard15
      System.Reflection.Primitives (>= 4.3) - framework: netstandard10, >= netstandard15
      System.Reflection.TypeExtensions (>= 4.3) - framework: >= netstandard15
      System.Resources.ResourceManager (>= 4.3) - framework: netstandard10, >= netstandard15
      System.Runtime (>= 4.3) - framework: netstandard10, >= netstandard15
      System.Runtime.Extensions (>= 4.3) - framework: netstandard10, >= netstandard15
      System.Threading (>= 4.3) - framework: netstandard10, >= netstandard15
    System.Console (4.3)
      Microsoft.NETCore.Platforms (>= 1.1) - framework: >= netstandard13
      Microsoft.NETCore.Targets (>= 1.1) - framework: >= netstandard13
      System.IO (>= 4.3) - framework: >= netstandard13
      System.Runtime (>= 4.3) - framework: >= netstandard13
      System.Text.Encoding (>= 4.3) - framework: >= netstandard13
    System.Diagnostics.Contracts (4.3)
      System.Runtime (>= 4.3)
    System.Diagnostics.Debug (4.3)
      Microsoft.NETCore.Platforms (>= 1.1) - framework: netstandard10, >= netstandard13
      Microsoft.NETCore.Targets (>= 1.1) - framework: netstandard10, >= netstandard13
      System.Runtime (>= 4.3) - framework: netstandard10, >= netstandard13
    System.Diagnostics.DiagnosticSource (4.3)
      System.Collections (>= 4.3) - framework: netstandard11, >= netstandard13
      System.Diagnostics.Tracing (>= 4.3) - framework: netstandard11, >= netstandard13
      System.Reflection (>= 4.3) - framework: netstandard11, >= netstandard13
      System.Runtime (>= 4.3) - framework: netstandard11, >= netstandard13
      System.Threading (>= 4.3) - framework: netstandard11, >= netstandard13
    System.Diagnostics.FileVersionInfo (4.3) - framework: >= netstandard16
      Microsoft.NETCore.Platforms (>= 1.1) - framework: >= netstandard13
      System.Globalization (>= 4.3) - framework: >= netstandard13
      System.IO (>= 4.3) - framework: >= netstandard13
      System.IO.FileSystem (>= 4.3) - framework: >= netstandard13
      System.IO.FileSystem.Primitives (>= 4.3) - framework: >= netstandard13
      System.Reflection.Metadata (>= 1.4.1) - framework: >= netstandard13
      System.Runtime (>= 4.3) - framework: >= netstandard13
      System.Runtime.Extensions (>= 4.3) - framework: >= netstandard13
      System.Runtime.InteropServices (>= 4.3) - framework: >= netstandard13
    System.Diagnostics.StackTrace (4.3)
      System.IO.FileSystem (>= 4.3) - framework: >= netstandard13
      System.Reflection (>= 4.3) - framework: >= netstandard13
      System.Reflection.Metadata (>= 1.4.1) - framework: >= netstandard13
      System.Runtime (>= 4.3) - framework: >= netstandard13
    System.Diagnostics.Tools (4.3)
      Microsoft.NETCore.Platforms (>= 1.1)
      Microsoft.NETCore.Targets (>= 1.1)
      System.Runtime (>= 4.3)
    System.Diagnostics.Tracing (4.3)
      Microsoft.NETCore.Platforms (>= 1.1) - framework: netstandard11, netstandard12, netstandard13, >= netstandard15
      Microsoft.NETCore.Targets (>= 1.1) - framework: netstandard11, netstandard12, netstandard13, >= netstandard15
      System.Runtime (>= 4.3) - framework: netstandard11, netstandard12, netstandard13, >= netstandard15
    System.Dynamic.Runtime (4.3)
      System.Collections (>= 4.3) - framework: >= netstandard13
      System.Diagnostics.Debug (>= 4.3) - framework: >= netstandard13
      System.Linq (>= 4.3) - framework: >= netstandard13
      System.Linq.Expressions (>= 4.3) - framework: netstandard10, >= netstandard13
      System.ObjectModel (>= 4.3) - framework: netstandard10, >= netstandard13
      System.Reflection (>= 4.3) - framework: netstandard10, >= netstandard13
      System.Reflection.Emit (>= 4.3) - framework: >= netstandard13
      System.Reflection.Emit.ILGeneration (>= 4.3) - framework: >= netstandard13
      System.Reflection.Primitives (>= 4.3) - framework: >= netstandard13
      System.Reflection.TypeExtensions (>= 4.3) - framework: >= netstandard13
      System.Resources.ResourceManager (>= 4.3) - framework: >= netstandard13
      System.Runtime (>= 4.3) - framework: netstandard10, >= netstandard13
      System.Runtime.Extensions (>= 4.3) - framework: >= netstandard13
      System.Threading (>= 4.3) - framework: >= netstandard13
    System.Globalization (4.3)
      Microsoft.NETCore.Platforms (>= 1.1) - framework: netstandard10, >= netstandard13
      Microsoft.NETCore.Targets (>= 1.1) - framework: netstandard10, >= netstandard13
      System.Runtime (>= 4.3) - framework: netstandard10, >= netstandard13
    System.Globalization.Calendars (4.3)
      Microsoft.NETCore.Platforms (>= 1.1) - framework: >= netstandard13
      Microsoft.NETCore.Targets (>= 1.1) - framework: >= netstandard13
      System.Globalization (>= 4.3) - framework: >= netstandard13
      System.Runtime (>= 4.3) - framework: >= netstandard13
    System.Globalization.Extensions (4.3)
      Microsoft.NETCore.Platforms (>= 1.1) - framework: >= netstandard13
      System.Globalization (>= 4.3) - framework: >= netstandard13
      System.Resources.ResourceManager (>= 4.3) - framework: >= netstandard13
      System.Runtime (>= 4.3) - framework: >= netstandard13
      System.Runtime.Extensions (>= 4.3) - framework: >= netstandard13
      System.Runtime.InteropServices (>= 4.3) - framework: >= netstandard13
    System.IO (4.3)
      Microsoft.NETCore.Platforms (>= 1.1) - framework: netstandard10, netstandard13, >= netstandard15
      Microsoft.NETCore.Targets (>= 1.1) - framework: netstandard10, netstandard13, >= netstandard15
      System.Runtime (>= 4.3) - framework: netstandard10, netstandard13, >= netstandard15
      System.Text.Encoding (>= 4.3) - framework: netstandard10, netstandard13, >= netstandard15
      System.Threading.Tasks (>= 4.3) - framework: netstandard10, netstandard13, >= netstandard15
    System.IO.Compression (4.3)
      Microsoft.NETCore.Platforms (>= 1.1) - framework: >= netstandard13
      runtime.native.System (>= 4.3) - framework: >= netstandard13
      runtime.native.System.IO.Compression (>= 4.3) - framework: >= netstandard13
      System.Buffers (>= 4.3) - framework: >= netstandard13
      System.Collections (>= 4.3) - framework: >= netstandard13
      System.Diagnostics.Debug (>= 4.3) - framework: >= netstandard13
      System.IO (>= 4.3) - framework: netstandard11, >= netstandard13
      System.Resources.ResourceManager (>= 4.3) - framework: >= netstandard13
      System.Runtime (>= 4.3) - framework: netstandard11, >= netstandard13
      System.Runtime.Extensions (>= 4.3) - framework: >= netstandard13
      System.Runtime.Handles (>= 4.3) - framework: >= netstandard13
      System.Runtime.InteropServices (>= 4.3) - framework: >= netstandard13
      System.Text.Encoding (>= 4.3) - framework: netstandard11, >= netstandard13
      System.Threading (>= 4.3) - framework: >= netstandard13
      System.Threading.Tasks (>= 4.3) - framework: >= netstandard13
    System.IO.Compression.ZipFile (4.3)
      System.Buffers (>= 4.3) - framework: >= netstandard13
      System.IO (>= 4.3) - framework: >= netstandard13
      System.IO.Compression (>= 4.3) - framework: >= netstandard13
      System.IO.FileSystem (>= 4.3) - framework: >= netstandard13
      System.IO.FileSystem.Primitives (>= 4.3) - framework: >= netstandard13
      System.Resources.ResourceManager (>= 4.3) - framework: >= netstandard13
      System.Runtime (>= 4.3) - framework: >= netstandard13
      System.Runtime.Extensions (>= 4.3) - framework: >= netstandard13
      System.Text.Encoding (>= 4.3) - framework: >= netstandard13
    System.IO.FileSystem (4.3)
      Microsoft.NETCore.Platforms (>= 1.1) - framework: >= netstandard13
      Microsoft.NETCore.Targets (>= 1.1) - framework: >= netstandard13
      System.IO (>= 4.3) - framework: >= netstandard13
      System.IO.FileSystem.Primitives (>= 4.3) - framework: >= net46, >= netstandard13
      System.Runtime (>= 4.3) - framework: >= netstandard13
      System.Runtime.Handles (>= 4.3) - framework: >= netstandard13
      System.Text.Encoding (>= 4.3) - framework: >= netstandard13
      System.Threading.Tasks (>= 4.3) - framework: >= netstandard13
    System.IO.FileSystem.Primitives (4.3)
      System.Runtime (>= 4.3) - framework: >= netstandard13
    System.IO.FileSystem.Watcher (4.3)
      Microsoft.NETCore.Platforms (>= 1.1) - framework: >= netstandard13
      Microsoft.Win32.Primitives (>= 4.3) - framework: >= netstandard13
      runtime.native.System (>= 4.3) - framework: >= netstandard13
      System.Collections (>= 4.3) - framework: >= netstandard13
      System.IO.FileSystem (>= 4.3) - framework: >= netstandard13
      System.IO.FileSystem.Primitives (>= 4.3) - framework: >= netstandard13
      System.Resources.ResourceManager (>= 4.3) - framework: >= netstandard13
      System.Runtime (>= 4.3) - framework: >= netstandard13
      System.Runtime.Extensions (>= 4.3) - framework: >= netstandard13
      System.Runtime.Handles (>= 4.3) - framework: >= netstandard13
      System.Runtime.InteropServices (>= 4.3) - framework: >= netstandard13
      System.Text.Encoding (>= 4.3) - framework: >= netstandard13
      System.Threading (>= 4.3) - framework: >= netstandard13
      System.Threading.Overlapped (>= 4.3) - framework: >= netstandard13
      System.Threading.Tasks (>= 4.3) - framework: >= netstandard13
      System.Threading.Thread (>= 4.3) - framework: >= netstandard13
    System.Linq (4.3)
      System.Collections (>= 4.3) - framework: netstandard10, >= netstandard16
      System.Diagnostics.Debug (>= 4.3) - framework: >= netstandard16
      System.Resources.ResourceManager (>= 4.3) - framework: >= netstandard16
      System.Runtime (>= 4.3) - framework: netstandard10, >= netstandard16
      System.Runtime.Extensions (>= 4.3) - framework: >= netstandard16
    System.Linq.Expressions (4.3)
      System.Collections (>= 4.3) - framework: >= netstandard16
      System.Diagnostics.Debug (>= 4.3) - framework: >= netstandard16
      System.Globalization (>= 4.3) - framework: >= netstandard16
      System.IO (>= 4.3) - framework: >= netstandard16
      System.Linq (>= 4.3) - framework: >= netstandard16
      System.ObjectModel (>= 4.3) - framework: >= netstandard16
      System.Reflection (>= 4.3) - framework: netstandard10, netstandard13, >= netstandard16
      System.Reflection.Emit (>= 4.3) - framework: >= netstandard16
      System.Reflection.Emit.ILGeneration (>= 4.3) - framework: >= netstandard16
      System.Reflection.Emit.Lightweight (>= 4.3) - framework: >= netstandard16
      System.Reflection.Extensions (>= 4.3) - framework: >= netstandard16
      System.Reflection.Primitives (>= 4.3) - framework: >= netstandard16
      System.Reflection.TypeExtensions (>= 4.3) - framework: >= netstandard16
      System.Resources.ResourceManager (>= 4.3) - framework: >= netstandard16
      System.Runtime (>= 4.3) - framework: netstandard10, netstandard13, >= netstandard16
      System.Runtime.Extensions (>= 4.3) - framework: >= netstandard16
      System.Threading (>= 4.3) - framework: >= netstandard16
    System.Net.Http (4.3.1)
      Microsoft.NETCore.Platforms (>= 1.1) - framework: netstandard13, >= netstandard16
      Microsoft.Win32.Primitives (>= 4.3) - framework: netstandard13
      runtime.native.System (>= 4.3) - framework: >= netstandard16
      runtime.native.System.Net.Http (>= 4.3) - framework: >= netstandard16
      runtime.native.System.Security.Cryptography.OpenSsl (>= 4.3) - framework: >= netstandard16
      System.Collections (>= 4.3) - framework: netstandard13, >= netstandard16
      System.Diagnostics.Debug (>= 4.3) - framework: netstandard13, >= netstandard16
      System.Diagnostics.DiagnosticSource (>= 4.3) - framework: netstandard13, >= netstandard16
      System.Diagnostics.Tracing (>= 4.3) - framework: netstandard13, >= netstandard16
      System.Globalization (>= 4.3) - framework: netstandard13, >= netstandard16
      System.Globalization.Extensions (>= 4.3) - framework: >= netstandard16
      System.IO (>= 4.3) - framework: netstandard11, netstandard13, >= netstandard16
      System.IO.Compression (>= 4.3) - framework: netstandard13
      System.IO.FileSystem (>= 4.3) - framework: >= netstandard16
      System.Net.Primitives (>= 4.3) - framework: netstandard11, netstandard13, >= netstandard16
      System.Resources.ResourceManager (>= 4.3) - framework: netstandard13, >= netstandard16
      System.Runtime (>= 4.3) - framework: netstandard11, netstandard13, >= netstandard16
      System.Runtime.Extensions (>= 4.3) - framework: netstandard13, >= netstandard16
      System.Runtime.Handles (>= 4.3) - framework: netstandard13, >= netstandard16
      System.Runtime.InteropServices (>= 4.3) - framework: netstandard13, >= netstandard16
      System.Security.Cryptography.Algorithms (>= 4.3) - framework: >= netstandard16
      System.Security.Cryptography.Encoding (>= 4.3) - framework: >= netstandard16
      System.Security.Cryptography.OpenSsl (>= 4.3) - framework: >= netstandard16
      System.Security.Cryptography.Primitives (>= 4.3) - framework: >= netstandard16
      System.Security.Cryptography.X509Certificates (>= 4.3) - framework: >= net46, netstandard13, >= netstandard16
      System.Text.Encoding (>= 4.3) - framework: netstandard11, netstandard13, >= netstandard16
      System.Threading (>= 4.3) - framework: netstandard13, >= netstandard16
      System.Threading.Tasks (>= 4.3) - framework: netstandard11, netstandard13, >= netstandard16
    System.Net.Primitives (4.3)
      Microsoft.NETCore.Platforms (>= 1.1) - framework: netstandard10, netstandard11, >= netstandard13
      Microsoft.NETCore.Targets (>= 1.1) - framework: netstandard10, netstandard11, >= netstandard13
      System.Runtime (>= 4.3) - framework: netstandard10, netstandard11, >= netstandard13
      System.Runtime.Handles (>= 4.3) - framework: >= netstandard13
    System.Net.Sockets (4.3)
      Microsoft.NETCore.Platforms (>= 1.1) - framework: >= netstandard13
      Microsoft.NETCore.Targets (>= 1.1) - framework: >= netstandard13
      System.IO (>= 4.3) - framework: >= netstandard13
      System.Net.Primitives (>= 4.3) - framework: >= netstandard13
      System.Runtime (>= 4.3) - framework: >= netstandard13
      System.Threading.Tasks (>= 4.3) - framework: >= netstandard13
    System.Net.WebSockets (4.3) - framework: >= netstandard13
      Microsoft.Win32.Primitives (>= 4.3) - framework: >= netstandard13
      System.Resources.ResourceManager (>= 4.3) - framework: >= netstandard13
      System.Runtime (>= 4.3) - framework: >= netstandard13
      System.Threading.Tasks (>= 4.3) - framework: >= netstandard13
    System.Numerics.Vectors (4.3)
      System.Globalization (>= 4.3)
      System.Resources.ResourceManager (>= 4.3)
      System.Runtime (>= 4.3)
      System.Runtime.Extensions (>= 4.3)
    System.ObjectModel (4.3)
      System.Collections (>= 4.3) - framework: >= netstandard13
      System.Diagnostics.Debug (>= 4.3) - framework: >= netstandard13
      System.Resources.ResourceManager (>= 4.3) - framework: >= netstandard13
      System.Runtime (>= 4.3) - framework: netstandard10, >= netstandard13
      System.Threading (>= 4.3) - framework: >= netstandard13
    System.Reflection (4.3)
      Microsoft.NETCore.Platforms (>= 1.1) - framework: netstandard10, netstandard13, >= netstandard15
      Microsoft.NETCore.Targets (>= 1.1) - framework: netstandard10, netstandard13, >= netstandard15
      System.IO (>= 4.3) - framework: netstandard10, netstandard13, >= netstandard15
      System.Reflection.Primitives (>= 4.3) - framework: netstandard10, netstandard13, >= netstandard15
      System.Runtime (>= 4.3) - framework: netstandard10, netstandard13, >= netstandard15
    System.Reflection.Emit (4.3)
      System.IO (>= 4.3) - framework: >= netstandard11
      System.Reflection (>= 4.3) - framework: >= netstandard11
      System.Reflection.Emit.ILGeneration (>= 4.3) - framework: >= netstandard11
      System.Reflection.Primitives (>= 4.3) - framework: >= netstandard11
      System.Runtime (>= 4.3) - framework: >= netstandard11
    System.Reflection.Emit.ILGeneration (4.3)
      System.Reflection (>= 4.3)
      System.Reflection.Primitives (>= 4.3)
      System.Runtime (>= 4.3)
    System.Reflection.Emit.Lightweight (4.3)
      System.Reflection (>= 4.3)
      System.Reflection.Emit.ILGeneration (>= 4.3)
      System.Reflection.Primitives (>= 4.3)
      System.Runtime (>= 4.3)
    System.Reflection.Extensions (4.3)
      Microsoft.NETCore.Platforms (>= 1.1)
      Microsoft.NETCore.Targets (>= 1.1)
      System.Reflection (>= 4.3)
      System.Runtime (>= 4.3)
    System.Reflection.Metadata (1.4.2)
      System.Collections (>= 4.3) - framework: >= netstandard11
      System.Collections.Immutable (>= 1.3.1) - framework: >= net45, >= netstandard11
      System.Diagnostics.Debug (>= 4.3) - framework: >= netstandard11
      System.IO (>= 4.3) - framework: >= netstandard11
      System.IO.Compression (>= 4.3) - framework: >= netstandard11
      System.Linq (>= 4.3) - framework: >= netstandard11
      System.Reflection (>= 4.3) - framework: >= netstandard11
      System.Reflection.Extensions (>= 4.3) - framework: >= netstandard11
      System.Reflection.Primitives (>= 4.3) - framework: >= netstandard11
      System.Resources.ResourceManager (>= 4.3) - framework: >= netstandard11
      System.Runtime (>= 4.3) - framework: >= netstandard11
      System.Runtime.Extensions (>= 4.3) - framework: >= netstandard11
      System.Runtime.InteropServices (>= 4.3) - framework: >= netstandard11
      System.Text.Encoding (>= 4.3) - framework: >= netstandard11
      System.Text.Encoding.Extensions (>= 4.3) - framework: >= netstandard11
      System.Threading (>= 4.3) - framework: >= netstandard11
    System.Reflection.Primitives (4.3)
      Microsoft.NETCore.Platforms (>= 1.1)
      Microsoft.NETCore.Targets (>= 1.1)
      System.Runtime (>= 4.3)
    System.Reflection.TypeExtensions (4.3)
      System.Reflection (>= 4.3) - framework: >= net462, netstandard13, >= netstandard15
      System.Runtime (>= 4.3) - framework: netstandard13, >= netstandard15
    System.Resources.Reader (4.3)
      System.IO (>= 4.3)
      System.Resources.ResourceManager (>= 4.3)
      System.Runtime (>= 4.3)
      System.Text.Encoding (>= 4.3)
      System.Threading (>= 4.3)
    System.Resources.ResourceManager (4.3)
      Microsoft.NETCore.Platforms (>= 1.1)
      Microsoft.NETCore.Targets (>= 1.1)
      System.Globalization (>= 4.3)
      System.Reflection (>= 4.3)
      System.Runtime (>= 4.3)
    System.Runtime (4.3)
      Microsoft.NETCore.Platforms (>= 1.1) - framework: netstandard10, netstandard12, netstandard13, >= netstandard15
      Microsoft.NETCore.Targets (>= 1.1) - framework: netstandard10, netstandard12, netstandard13, >= netstandard15
    System.Runtime.CompilerServices.Unsafe (4.3)
      System.Runtime (>= 4.3)
    System.Runtime.Extensions (4.3)
      Microsoft.NETCore.Platforms (>= 1.1) - framework: netstandard10, netstandard13, >= netstandard15
      Microsoft.NETCore.Targets (>= 1.1) - framework: netstandard10, netstandard13, >= netstandard15
      System.Runtime (>= 4.3) - framework: netstandard10, netstandard13, >= netstandard15
    System.Runtime.Handles (4.3)
      Microsoft.NETCore.Platforms (>= 1.1) - framework: >= netstandard13
      Microsoft.NETCore.Targets (>= 1.1) - framework: >= netstandard13
      System.Runtime (>= 4.3) - framework: >= netstandard13
    System.Runtime.InteropServices (4.3)
      Microsoft.NETCore.Platforms (>= 1.1) - framework: netstandard11, netstandard12, netstandard13, >= netstandard15
      Microsoft.NETCore.Targets (>= 1.1) - framework: netstandard11, netstandard12, netstandard13, >= netstandard15
      System.Reflection (>= 4.3) - framework: netstandard11, netstandard12, netstandard13, >= netstandard15
      System.Reflection.Primitives (>= 4.3) - framework: netstandard11, netstandard12, netstandard13, >= netstandard15
      System.Runtime (>= 4.3) - framework: net462, >= net463, netstandard11, netstandard12, netstandard13, >= netstandard15
      System.Runtime.Handles (>= 4.3) - framework: netstandard13, >= netstandard15
    System.Runtime.InteropServices.RuntimeInformation (4.3)
      runtime.native.System (>= 4.3) - framework: >= netstandard11
      System.Reflection (>= 4.3) - framework: >= netstandard11
      System.Reflection.Extensions (>= 4.3) - framework: >= netstandard11
      System.Resources.ResourceManager (>= 4.3) - framework: >= netstandard11
      System.Runtime (>= 4.3) - framework: >= netstandard11
      System.Runtime.InteropServices (>= 4.3) - framework: >= netstandard11
      System.Threading (>= 4.3) - framework: >= netstandard11
    System.Runtime.Loader (4.3)
      System.IO (>= 4.3) - framework: >= netstandard15
      System.Reflection (>= 4.3) - framework: >= netstandard15
      System.Runtime (>= 4.3) - framework: >= netstandard15
    System.Runtime.Numerics (4.3)
      System.Globalization (>= 4.3) - framework: >= netstandard13
      System.Resources.ResourceManager (>= 4.3) - framework: >= netstandard13
      System.Runtime (>= 4.3) - framework: netstandard11, >= netstandard13
      System.Runtime.Extensions (>= 4.3) - framework: >= netstandard13
    System.Runtime.Serialization.Formatters (4.3)
      System.Collections (>= 4.3) - framework: >= netstandard14
      System.Reflection (>= 4.3) - framework: >= netstandard14
      System.Resources.ResourceManager (>= 4.3) - framework: >= netstandard14
      System.Runtime (>= 4.3) - framework: >= netstandard13
      System.Runtime.Serialization.Primitives (>= 4.3) - framework: >= net46, >= netstandard13
    System.Runtime.Serialization.Primitives (4.3)
      System.Resources.ResourceManager (>= 4.3) - framework: >= netstandard13
      System.Runtime (>= 4.3) - framework: netstandard10, >= netstandard13
    System.Security.Claims (4.3)
      System.Collections (>= 4.3) - framework: >= netstandard13
      System.Globalization (>= 4.3) - framework: >= netstandard13
      System.IO (>= 4.3) - framework: >= netstandard13
      System.Resources.ResourceManager (>= 4.3) - framework: >= netstandard13
      System.Runtime (>= 4.3) - framework: >= netstandard13
      System.Runtime.Extensions (>= 4.3) - framework: >= netstandard13
      System.Security.Principal (>= 4.3) - framework: >= netstandard13
    System.Security.Cryptography.Algorithms (4.3)
      Microsoft.NETCore.Platforms (>= 1.1) - framework: >= netstandard16
      runtime.native.System.Security.Cryptography.Apple (>= 4.3) - framework: >= netstandard16
      runtime.native.System.Security.Cryptography.OpenSsl (>= 4.3) - framework: >= netstandard16
      System.Collections (>= 4.3) - framework: >= netstandard16
      System.IO (>= 4.3) - framework: >= net463, netstandard13, netstandard14, >= netstandard16
      System.Resources.ResourceManager (>= 4.3) - framework: >= netstandard16
      System.Runtime (>= 4.3) - framework: >= net463, netstandard13, netstandard14, >= netstandard16
      System.Runtime.Extensions (>= 4.3) - framework: >= netstandard16
      System.Runtime.Handles (>= 4.3) - framework: >= netstandard16
      System.Runtime.InteropServices (>= 4.3) - framework: >= netstandard16
      System.Runtime.Numerics (>= 4.3) - framework: >= netstandard16
      System.Security.Cryptography.Encoding (>= 4.3) - framework: >= net463, >= netstandard16
      System.Security.Cryptography.Primitives (>= 4.3) - framework: net46, net461, >= net463, netstandard13, netstandard14, >= netstandard16
      System.Text.Encoding (>= 4.3) - framework: >= netstandard16
    System.Security.Cryptography.Cng (4.3) - framework: >= netstandard16
      Microsoft.NETCore.Platforms (>= 1.1) - framework: netstandard14, >= netstandard16
      System.IO (>= 4.3) - framework: netstandard13, netstandard14, >= netstandard16
      System.Resources.ResourceManager (>= 4.3) - framework: netstandard14, >= netstandard16
      System.Runtime (>= 4.3) - framework: netstandard13, netstandard14, >= netstandard16
      System.Runtime.Extensions (>= 4.3) - framework: netstandard14, >= netstandard16
      System.Runtime.Handles (>= 4.3) - framework: netstandard13, netstandard14, >= netstandard16
      System.Runtime.InteropServices (>= 4.3) - framework: netstandard14, >= netstandard16
      System.Security.Cryptography.Algorithms (>= 4.3) - framework: net46, net461, >= net463, netstandard13, netstandard14, >= netstandard16
      System.Security.Cryptography.Encoding (>= 4.3) - framework: netstandard14, >= netstandard16
      System.Security.Cryptography.Primitives (>= 4.3) - framework: net46, net461, >= net463, netstandard13, netstandard14, >= netstandard16
      System.Text.Encoding (>= 4.3) - framework: netstandard14, >= netstandard16
    System.Security.Cryptography.Csp (4.3) - framework: >= netstandard16
      Microsoft.NETCore.Platforms (>= 1.1) - framework: >= netstandard13
      System.IO (>= 4.3) - framework: >= netstandard13
      System.Reflection (>= 4.3) - framework: >= netstandard13
      System.Resources.ResourceManager (>= 4.3) - framework: >= netstandard13
      System.Runtime (>= 4.3) - framework: >= netstandard13
      System.Runtime.Extensions (>= 4.3) - framework: >= netstandard13
      System.Runtime.Handles (>= 4.3) - framework: >= netstandard13
      System.Runtime.InteropServices (>= 4.3) - framework: >= netstandard13
      System.Security.Cryptography.Algorithms (>= 4.3) - framework: >= net46, >= netstandard13
      System.Security.Cryptography.Encoding (>= 4.3) - framework: >= netstandard13
      System.Security.Cryptography.Primitives (>= 4.3) - framework: >= net46, >= netstandard13
      System.Text.Encoding (>= 4.3) - framework: >= netstandard13
      System.Threading (>= 4.3) - framework: >= netstandard13
    System.Security.Cryptography.Encoding (4.3)
      Microsoft.NETCore.Platforms (>= 1.1) - framework: >= netstandard13
      runtime.native.System.Security.Cryptography.OpenSsl (>= 4.3) - framework: >= netstandard13
      System.Collections (>= 4.3) - framework: >= netstandard13
      System.Collections.Concurrent (>= 4.3) - framework: >= netstandard13
      System.Linq (>= 4.3) - framework: >= netstandard13
      System.Resources.ResourceManager (>= 4.3) - framework: >= netstandard13
      System.Runtime (>= 4.3) - framework: >= netstandard13
      System.Runtime.Extensions (>= 4.3) - framework: >= netstandard13
      System.Runtime.Handles (>= 4.3) - framework: >= netstandard13
      System.Runtime.InteropServices (>= 4.3) - framework: >= netstandard13
      System.Security.Cryptography.Primitives (>= 4.3) - framework: >= netstandard13
      System.Text.Encoding (>= 4.3) - framework: >= netstandard13
    System.Security.Cryptography.OpenSsl (4.3)
      runtime.native.System.Security.Cryptography.OpenSsl (>= 4.3) - framework: >= net463, >= netstandard16
      System.Collections (>= 4.3) - framework: >= netstandard16
      System.IO (>= 4.3) - framework: >= net463, >= netstandard16
      System.Resources.ResourceManager (>= 4.3) - framework: >= netstandard16
      System.Runtime (>= 4.3) - framework: >= net463, >= netstandard16
      System.Runtime.Extensions (>= 4.3) - framework: >= net463, >= netstandard16
      System.Runtime.Handles (>= 4.3) - framework: >= netstandard16
      System.Runtime.InteropServices (>= 4.3) - framework: >= netstandard16
      System.Runtime.Numerics (>= 4.3) - framework: >= netstandard16
      System.Security.Cryptography.Algorithms (>= 4.3) - framework: >= net463, >= netstandard16
      System.Security.Cryptography.Encoding (>= 4.3) - framework: >= net463, >= netstandard16
      System.Security.Cryptography.Primitives (>= 4.3) - framework: >= net463, >= netstandard16
      System.Text.Encoding (>= 4.3) - framework: >= netstandard16
    System.Security.Cryptography.Primitives (4.3)
      System.Diagnostics.Debug (>= 4.3) - framework: >= netstandard13
      System.Globalization (>= 4.3) - framework: >= netstandard13
      System.IO (>= 4.3) - framework: >= netstandard13
      System.Resources.ResourceManager (>= 4.3) - framework: >= netstandard13
      System.Runtime (>= 4.3) - framework: >= netstandard13
      System.Threading (>= 4.3) - framework: >= netstandard13
      System.Threading.Tasks (>= 4.3) - framework: >= netstandard13
    System.Security.Cryptography.X509Certificates (4.3)
      Microsoft.NETCore.Platforms (>= 1.1) - framework: >= netstandard16
      runtime.native.System (>= 4.3) - framework: >= netstandard16
      runtime.native.System.Net.Http (>= 4.3) - framework: >= netstandard16
      runtime.native.System.Security.Cryptography.OpenSsl (>= 4.3) - framework: >= netstandard16
      System.Collections (>= 4.3) - framework: >= netstandard16
      System.Diagnostics.Debug (>= 4.3) - framework: >= netstandard16
      System.Globalization (>= 4.3) - framework: >= netstandard16
      System.Globalization.Calendars (>= 4.3) - framework: >= netstandard16
      System.IO (>= 4.3) - framework: >= netstandard16
      System.IO.FileSystem (>= 4.3) - framework: >= netstandard16
      System.IO.FileSystem.Primitives (>= 4.3) - framework: >= netstandard16
      System.Resources.ResourceManager (>= 4.3) - framework: >= netstandard16
      System.Runtime (>= 4.3) - framework: netstandard13, netstandard14, >= netstandard16
      System.Runtime.Extensions (>= 4.3) - framework: >= netstandard16
      System.Runtime.Handles (>= 4.3) - framework: netstandard13, netstandard14, >= netstandard16
      System.Runtime.InteropServices (>= 4.3) - framework: >= netstandard16
      System.Runtime.Numerics (>= 4.3) - framework: >= netstandard16
      System.Security.Cryptography.Algorithms (>= 4.3) - framework: net46, >= net461, netstandard13, netstandard14, >= netstandard16
      System.Security.Cryptography.Cng (>= 4.3) - framework: >= netstandard16
      System.Security.Cryptography.Csp (>= 4.3) - framework: >= netstandard16
      System.Security.Cryptography.Encoding (>= 4.3) - framework: net46, >= net461, netstandard13, netstandard14, >= netstandard16
      System.Security.Cryptography.OpenSsl (>= 4.3) - framework: >= netstandard16
      System.Security.Cryptography.Primitives (>= 4.3) - framework: >= netstandard16
      System.Text.Encoding (>= 4.3) - framework: >= netstandard16
      System.Threading (>= 4.3) - framework: >= netstandard16
    System.Security.Principal (4.3)
      System.Runtime (>= 4.3)
    System.Security.Principal.Windows (4.3)
      Microsoft.NETCore.Platforms (>= 1.1) - framework: >= netstandard13
      Microsoft.Win32.Primitives (>= 4.3) - framework: >= netstandard13
      System.Collections (>= 4.3) - framework: >= netstandard13
      System.Diagnostics.Debug (>= 4.3) - framework: >= netstandard13
      System.Reflection (>= 4.3) - framework: >= netstandard13
      System.Resources.ResourceManager (>= 4.3) - framework: >= netstandard13
      System.Runtime (>= 4.3) - framework: >= netstandard13
      System.Runtime.Extensions (>= 4.3) - framework: >= netstandard13
      System.Runtime.Handles (>= 4.3) - framework: >= netstandard13
      System.Runtime.InteropServices (>= 4.3) - framework: >= netstandard13
      System.Security.Claims (>= 4.3) - framework: >= net46, >= netstandard13
      System.Security.Principal (>= 4.3) - framework: >= netstandard13
      System.Text.Encoding (>= 4.3) - framework: >= netstandard13
      System.Threading (>= 4.3) - framework: >= netstandard13
    System.Text.Encoding (4.3)
      Microsoft.NETCore.Platforms (>= 1.1) - framework: netstandard10, >= netstandard13
      Microsoft.NETCore.Targets (>= 1.1) - framework: netstandard10, >= netstandard13
      System.Runtime (>= 4.3) - framework: netstandard10, >= netstandard13
    System.Text.Encoding.CodePages (4.3) - framework: >= netstandard16
      Microsoft.NETCore.Platforms (>= 1.1) - framework: >= netstandard13
      System.Collections (>= 4.3) - framework: >= netstandard13
      System.Globalization (>= 4.3) - framework: >= netstandard13
      System.IO (>= 4.3) - framework: >= netstandard13
      System.Reflection (>= 4.3) - framework: >= netstandard13
      System.Resources.ResourceManager (>= 4.3) - framework: >= netstandard13
      System.Runtime (>= 4.3) - framework: >= netstandard13
      System.Runtime.Extensions (>= 4.3) - framework: >= netstandard13
      System.Runtime.Handles (>= 4.3) - framework: >= netstandard13
      System.Runtime.InteropServices (>= 4.3) - framework: >= netstandard13
      System.Text.Encoding (>= 4.3) - framework: >= netstandard13
      System.Threading (>= 4.3) - framework: >= netstandard13
    System.Text.Encoding.Extensions (4.3)
      Microsoft.NETCore.Platforms (>= 1.1) - framework: netstandard10, >= netstandard13
      Microsoft.NETCore.Targets (>= 1.1) - framework: netstandard10, >= netstandard13
      System.Runtime (>= 4.3) - framework: netstandard10, >= netstandard13
      System.Text.Encoding (>= 4.3) - framework: netstandard10, >= netstandard13
    System.Text.Encodings.Web (4.3)
      System.Diagnostics.Debug (>= 4.3)
      System.IO (>= 4.3)
      System.Reflection (>= 4.3)
      System.Resources.ResourceManager (>= 4.3)
      System.Runtime (>= 4.3)
      System.Runtime.Extensions (>= 4.3)
      System.Threading (>= 4.3)
    System.Text.RegularExpressions (4.3)
      System.Collections (>= 4.3) - framework: >= netstandard16
      System.Globalization (>= 4.3) - framework: >= netstandard16
      System.Resources.ResourceManager (>= 4.3) - framework: >= netstandard16
      System.Runtime (>= 4.3) - framework: netstandard10, netstandard13, >= netstandard16
      System.Runtime.Extensions (>= 4.3) - framework: >= netstandard16
      System.Threading (>= 4.3) - framework: >= netstandard16
    System.Threading (4.3)
      System.Runtime (>= 4.3) - framework: netstandard10, >= netstandard13
      System.Threading.Tasks (>= 4.3) - framework: netstandard10, >= netstandard13
    System.Threading.Overlapped (4.3) - framework: >= netstandard13
      Microsoft.NETCore.Platforms (>= 1.1) - framework: >= netstandard13
      System.Resources.ResourceManager (>= 4.3) - framework: >= netstandard13
      System.Runtime (>= 4.3) - framework: >= netstandard13
      System.Runtime.Handles (>= 4.3) - framework: >= netstandard13
    System.Threading.Tasks (4.3)
      Microsoft.NETCore.Platforms (>= 1.1) - framework: netstandard10, >= netstandard13
      Microsoft.NETCore.Targets (>= 1.1) - framework: netstandard10, >= netstandard13
      System.Runtime (>= 4.3) - framework: netstandard10, >= netstandard13
    System.Threading.Tasks.Extensions (4.3)
      System.Collections (>= 4.3)
      System.Runtime (>= 4.3)
      System.Threading.Tasks (>= 4.3)
    System.Threading.Tasks.Parallel (4.3) - framework: >= netstandard16
      System.Collections.Concurrent (>= 4.3) - framework: netstandard11, >= netstandard13
      System.Diagnostics.Debug (>= 4.3) - framework: >= netstandard13
      System.Diagnostics.Tracing (>= 4.3) - framework: >= netstandard13
      System.Resources.ResourceManager (>= 4.3) - framework: >= netstandard13
      System.Runtime (>= 4.3) - framework: netstandard11, >= netstandard13
      System.Runtime.Extensions (>= 4.3) - framework: >= netstandard13
      System.Threading (>= 4.3) - framework: >= netstandard13
      System.Threading.Tasks (>= 4.3) - framework: netstandard11, >= netstandard13
    System.Threading.Thread (4.3)
      System.Runtime (>= 4.3) - framework: >= netstandard13
    System.Threading.ThreadPool (4.3)
      System.Runtime (>= 4.3) - framework: >= netstandard13
      System.Runtime.Handles (>= 4.3) - framework: >= netstandard13
    System.Threading.Timer (4.3)
      Microsoft.NETCore.Platforms (>= 1.1) - framework: >= netstandard12
      Microsoft.NETCore.Targets (>= 1.1) - framework: >= netstandard12
      System.Runtime (>= 4.3) - framework: >= netstandard12
    System.ValueTuple (4.3) - framework: >= netstandard16
      System.Collections (>= 4.3)
      System.Resources.ResourceManager (>= 4.3)
      System.Runtime (>= 4.3)
    System.Xml.ReaderWriter (4.3)
      System.Collections (>= 4.3) - framework: >= netstandard13
      System.Diagnostics.Debug (>= 4.3) - framework: >= netstandard13
      System.Globalization (>= 4.3) - framework: >= netstandard13
      System.IO (>= 4.3) - framework: netstandard10, >= netstandard13
      System.IO.FileSystem (>= 4.3) - framework: >= netstandard13
      System.IO.FileSystem.Primitives (>= 4.3) - framework: >= netstandard13
      System.Resources.ResourceManager (>= 4.3) - framework: >= netstandard13
      System.Runtime (>= 4.3) - framework: netstandard10, >= netstandard13
      System.Runtime.Extensions (>= 4.3) - framework: >= netstandard13
      System.Runtime.InteropServices (>= 4.3) - framework: >= netstandard13
      System.Text.Encoding (>= 4.3) - framework: netstandard10, >= netstandard13
      System.Text.Encoding.Extensions (>= 4.3) - framework: >= netstandard13
      System.Text.RegularExpressions (>= 4.3) - framework: >= netstandard13
      System.Threading.Tasks (>= 4.3) - framework: netstandard10, >= netstandard13
      System.Threading.Tasks.Extensions (>= 4.3) - framework: >= netstandard13
    System.Xml.XDocument (4.3)
      System.Collections (>= 4.3) - framework: >= netstandard13
      System.Diagnostics.Debug (>= 4.3) - framework: >= netstandard13
      System.Diagnostics.Tools (>= 4.3) - framework: >= netstandard13
      System.Globalization (>= 4.3) - framework: >= netstandard13
      System.IO (>= 4.3) - framework: netstandard10, >= netstandard13
      System.Reflection (>= 4.3) - framework: >= netstandard13
      System.Resources.ResourceManager (>= 4.3) - framework: >= netstandard13
      System.Runtime (>= 4.3) - framework: netstandard10, >= netstandard13
      System.Runtime.Extensions (>= 4.3) - framework: >= netstandard13
      System.Text.Encoding (>= 4.3) - framework: >= netstandard13
      System.Threading (>= 4.3) - framework: >= netstandard13
      System.Xml.ReaderWriter (>= 4.3) - framework: netstandard10, >= netstandard13
    System.Xml.XmlDocument (4.3)
      System.Collections (>= 4.3) - framework: >= netstandard13
      System.Diagnostics.Debug (>= 4.3) - framework: >= netstandard13
      System.Globalization (>= 4.3) - framework: >= netstandard13
      System.IO (>= 4.3) - framework: >= netstandard13
      System.Resources.ResourceManager (>= 4.3) - framework: >= netstandard13
      System.Runtime (>= 4.3) - framework: >= netstandard13
      System.Runtime.Extensions (>= 4.3) - framework: >= netstandard13
      System.Text.Encoding (>= 4.3) - framework: >= netstandard13
      System.Threading (>= 4.3) - framework: >= netstandard13
      System.Xml.ReaderWriter (>= 4.3) - framework: >= netstandard13
    System.Xml.XPath (4.3) - framework: >= netstandard16
      System.Collections (>= 4.3) - framework: >= netstandard13
      System.Diagnostics.Debug (>= 4.3) - framework: >= netstandard13
      System.Globalization (>= 4.3) - framework: >= netstandard13
      System.IO (>= 4.3) - framework: >= netstandard13
      System.Resources.ResourceManager (>= 4.3) - framework: >= netstandard13
      System.Runtime (>= 4.3) - framework: >= netstandard13
      System.Runtime.Extensions (>= 4.3) - framework: >= netstandard13
      System.Threading (>= 4.3) - framework: >= netstandard13
      System.Xml.ReaderWriter (>= 4.3) - framework: >= netstandard13
    System.Xml.XPath.XDocument (4.3) - framework: >= netstandard16
      System.Diagnostics.Debug (>= 4.3) - framework: >= netstandard13
      System.Linq (>= 4.3) - framework: >= netstandard13
      System.Resources.ResourceManager (>= 4.3) - framework: >= netstandard13
      System.Runtime (>= 4.3) - framework: >= netstandard13
      System.Runtime.Extensions (>= 4.3) - framework: >= netstandard13
      System.Threading (>= 4.3) - framework: >= netstandard13
      System.Xml.ReaderWriter (>= 4.3) - framework: >= netstandard13
      System.Xml.XDocument (>= 4.3) - framework: >= netstandard13
      System.Xml.XPath (>= 4.3) - framework: >= net46, >= netstandard13
  remote: https://dotnet.myget.org/F/aspnetcore-ci-dev
    Microsoft.AspNetCore.SignalR.Messaging (0.2.0-preview2-22683)
      Microsoft.CSharp (>= 4.3) - framework: >= netstandard13
      Microsoft.Extensions.Logging (>= 1.1.0-preview2-22683) - framework: >= net451, >= netstandard13
      Microsoft.Extensions.Options (>= 1.1.0-preview2-22683) - framework: >= net451, >= netstandard13
      NETStandard.Library (>= 1.6.1) - framework: >= net451, >= netstandard13
      System.Dynamic.Runtime (>= 4.3) - framework: >= netstandard13
      System.Reflection.Emit (>= 4.3) - framework: >= netstandard13
      System.Reflection.Emit.ILGeneration (>= 4.3) - framework: >= netstandard13
      System.Threading.Thread (>= 4.3) - framework: >= netstandard13
      System.Threading.ThreadPool (>= 4.3) - framework: >= netstandard13
    Microsoft.AspNetCore.SignalR.Server (0.2.0-preview2-22683)
      Microsoft.AspNetCore.DataProtection (>= 1.1.0-preview2-22683) - framework: >= net451, >= netstandard16
      Microsoft.AspNetCore.Hosting.Abstractions (>= 1.1.0-preview2-22683) - framework: >= net451, >= netstandard16
      Microsoft.AspNetCore.Http.Extensions (>= 1.1.0-preview2-22683) - framework: >= net451, >= netstandard16
      Microsoft.AspNetCore.SignalR.Messaging (>= 0.2.0-preview2-22683) - framework: >= net451, >= netstandard16
      Microsoft.Extensions.DependencyModel (>= 1.1) - framework: >= net451, >= netstandard16
      NETStandard.Library (>= 1.6.1) - framework: >= net451, >= netstandard16
      Newtonsoft.Json (>= 9.0.1) - framework: >= net451, >= netstandard16
      System.Runtime.Serialization.Primitives (>= 4.3) - framework: >= netstandard16
